STORAGE: NONE
RESTRICTION: || (== net46) (== net462) (== netstandard1.6) (== netstandard2.0)
NUGET
  remote: https://www.nuget.org/api/v2
    dotnet-xunit (2.3.1) - clitool: true
    Microsoft.CodeCoverage (1.0.3)
    Microsoft.NET.Test.Sdk (15.5)
      Microsoft.CodeCoverage (>= 1.0.3)
      Microsoft.TestPlatform.TestHost (>= 15.5)
    Microsoft.NETCore.Platforms (2.0.1) - restriction: || (&& (== net46) (>= monotouch)) (&& (== net46) (< net45)) (&& (== net46) (< net452)) (&& (== net46) (>= netcoreapp1.1)) (&& (== net46) (>= netcoreapp2.0)) (&& (== net46) (< netstandard1.0)) (&& (== net46) (< netstandard1.1)) (&& (== net46) (< netstandard1.3) (>= wpa81)) (&& (== net46) (< portable-net45+win8+wp8+wpa81)) (&& (== net46) (< portable-net45+win8+wpa81)) (&& (== net46) (< portable-net451+win81+wpa81)) (&& (== net46) (>= uap10.0)) (&& (== net46) (>= xamarinios)) (&& (== net46) (>= xamarinmac)) (&& (== net46) (>= xamarintvos)) (&& (== net46) (>= xamarinwatchos)) (&& (== net462) (>= monotouch)) (&& (== net462) (< net45)) (&& (== net462) (< net452)) (&& (== net462) (>= netcoreapp1.1)) (&& (== net462) (>= netcoreapp2.0)) (&& (== net462) (< netstandard1.0)) (&& (== net462) (< netstandard1.1)) (&& (== net462) (< netstandard1.3) (>= wpa81)) (&& (== net462) (< portable-net45+win8+wp8+wpa81)) (&& (== net462) (< portable-net45+win8+wpa81)) (&& (== net462) (< portable-net451+win81+wpa81)) (&& (== net462) (>= uap10.0)) (&& (== net462) (>= xamarinios)) (&& (== net462) (>= xamarinmac)) (&& (== net462) (>= xamarintvos)) (&& (== net462) (>= xamarinwatchos)) (== netstandard1.6) (== netstandard2.0)
    Microsoft.NETCore.Targets (2.0) - restriction: || (&& (== net46) (== netstandard2.0)) (&& (== net46) (< net45)) (&& (== net46) (< net452)) (&& (== net46) (>= netcoreapp1.1)) (&& (== net46) (< netstandard1.1)) (&& (== net46) (< portable-net45+win8+wp8+wpa81)) (&& (== net46) (< portable-net45+win8+wpa81)) (&& (== net46) (>= uap10.0)) (&& (== net462) (== netstandard2.0)) (&& (== net462) (< net45)) (&& (== net462) (< net452) (< netstandard1.4)) (&& (== net462) (>= netcoreapp1.1)) (&& (== net462) (< netstandard1.1)) (&& (== net462) (< portable-net45+win8+wp8+wpa81)) (&& (== net462) (< portable-net45+win8+wpa81)) (&& (== net462) (>= uap10.0)) (== netstandard1.6) (&& (== netstandard2.0) (< netstandard1.1)) (&& (== netstandard2.0) (< netstandard1.2)) (&& (== netstandard2.0) (< netstandard1.3)) (&& (== netstandard2.0) (< netstandard1.4)) (&& (== netstandard2.0) (< netstandard1.5)) (&& (== netstandard2.0) (< netstandard1.6)) (&& (== netstandard2.0) (< portable-net45+win8+wp8+wpa81)) (&& (== netstandard2.0) (< portable-net45+win8+wpa81)) (&& (== netstandard2.0) (< portable-net451+win81+wpa81)) (&& (== netstandard2.0) (>= uap10.0))
    Microsoft.TestPlatform.TestHost (15.5)
    Microsoft.Win32.Primitives (4.3) - restriction: || (&& (== net46) (== netstandard2.0)) (&& (== net46) (< net45)) (&& (== net46) (< net452)) (&& (== net46) (>= uap10.0)) (&& (== net462) (== netstandard2.0)) (&& (== net462) (< net45)) (&& (== net462) (< net452) (< netstandard1.4)) (&& (== net462) (>= uap10.0)) (== netstandard1.6) (&& (== netstandard2.0) (< netstandard1.4)) (&& (== netstandard2.0) (< netstandard1.5)) (&& (== netstandard2.0) (< netstandard1.6)) (&& (== netstandard2.0) (>= uap10.0))
      Microsoft.NETCore.Platforms (>= 1.1) - restriction: || (&& (== net462) (< net46)) (== netstandard1.6) (== netstandard2.0)
      Microsoft.NETCore.Targets (>= 1.1) - restriction: || (&& (== net462) (< net46)) (== netstandard1.6) (== netstandard2.0)
      System.Runtime (>= 4.3) - restriction: || (&& (== net462) (< net46)) (== netstandard1.6) (== netstandard2.0)
    NETStandard.Library (2.0.1) - restriction: || (&& (== net46) (< net452)) (&& (== net462) (< net452)) (== netstandard1.6) (== netstandard2.0)
      Microsoft.NETCore.Platforms (>= 1.1)
      Microsoft.Win32.Primitives (>= 4.3) - restriction: || (== net46) (&& (== net462) (== netstandard2.0)) (&& (== net462) (< net45)) (&& (== net462) (< netstandard1.4)) (&& (== net462) (>= uap10.0)) (== netstandard1.6) (&& (== netstandard2.0) (< netstandard1.4)) (&& (== netstandard2.0) (< netstandard1.5)) (&& (== netstandard2.0) (< netstandard1.6)) (&& (== netstandard2.0) (>= uap10.0))
      System.AppContext (>= 4.3) - restriction: || (== net46) (&& (== net462) (== netstandard2.0)) (&& (== net462) (< net45)) (&& (== net462) (< netstandard1.4)) (&& (== net462) (>= uap10.0)) (== netstandard1.6) (&& (== netstandard2.0) (< netstandard1.4)) (&& (== netstandard2.0) (< netstandard1.5)) (&& (== netstandard2.0) (< netstandard1.6)) (&& (== netstandard2.0) (>= uap10.0))
      System.Collections (>= 4.3) - restriction: || (&& (== net46) (== netstandard2.0)) (&& (== net46) (< net45)) (&& (== net46) (< portable-net45+win8+wpa81)) (&& (== net46) (>= uap10.0)) (&& (== net462) (== netstandard2.0)) (&& (== net462) (< net45)) (&& (== net462) (< portable-net45+win8+wpa81)) (&& (== net462) (>= uap10.0)) (== netstandard1.6) (&& (== netstandard2.0) (< netstandard1.3)) (&& (== netstandard2.0) (< netstandard1.4)) (&& (== netstandard2.0) (< netstandard1.5)) (&& (== netstandard2.0) (< netstandard1.6)) (&& (== netstandard2.0) (< portable-net45+win8+wpa81)) (&& (== netstandard2.0) (< portable-net451+win81+wpa81)) (&& (== netstandard2.0) (>= uap10.0))
      System.Collections.Concurrent (>= 4.3) - restriction: || (&& (== net46) (== netstandard2.0)) (&& (== net46) (< net45)) (&& (== net46) (>= uap10.0)) (&& (== net462) (== netstandard2.0)) (&& (== net462) (< net45)) (&& (== net462) (>= uap10.0)) (== netstandard1.6) (&& (== netstandard2.0) (< netstandard1.3)) (&& (== netstandard2.0) (< netstandard1.4)) (&& (== netstandard2.0) (< netstandard1.5)) (&& (== netstandard2.0) (< netstandard1.6)) (&& (== netstandard2.0) (< portable-net451+win81+wpa81)) (&& (== netstandard2.0) (>= uap10.0))
      System.Console (>= 4.3) - restriction: || (== net46) (&& (== net462) (== netstandard2.0)) (&& (== net462) (< net45)) (&& (== net462) (< netstandard1.4)) (&& (== net462) (>= uap10.0)) (== netstandard1.6) (&& (== netstandard2.0) (< netstandard1.4)) (&& (== netstandard2.0) (< netstandard1.5)) (&& (== netstandard2.0) (< netstandard1.6)) (&& (== netstandard2.0) (>= uap10.0))
      System.Diagnostics.Debug (>= 4.3) - restriction: || (&& (== net46) (== netstandard2.0)) (&& (== net46) (< net45)) (&& (== net46) (< portable-net45+win8+wpa81)) (&& (== net46) (>= uap10.0)) (&& (== net462) (== netstandard2.0)) (&& (== net462) (< net45)) (&& (== net462) (< portable-net45+win8+wpa81)) (&& (== net462) (>= uap10.0)) (== netstandard1.6) (&& (== netstandard2.0) (< netstandard1.3)) (&& (== netstandard2.0) (< netstandard1.4)) (&& (== netstandard2.0) (< netstandard1.5)) (&& (== netstandard2.0) (< netstandard1.6)) (&& (== netstandard2.0) (< portable-net45+win8+wpa81)) (&& (== netstandard2.0) (< portable-net451+win81+wpa81)) (&& (== netstandard2.0) (>= uap10.0))
      System.Diagnostics.Tools (>= 4.3) - restriction: || (&& (== net46) (== netstandard2.0)) (&& (== net46) (< net45)) (&& (== net46) (< portable-net45+win8+wpa81)) (&& (== net46) (>= uap10.0)) (&& (== net462) (== netstandard2.0)) (&& (== net462) (< net45)) (&& (== net462) (< portable-net45+win8+wpa81)) (&& (== net462) (>= uap10.0)) (== netstandard1.6) (&& (== netstandard2.0) (< netstandard1.3)) (&& (== netstandard2.0) (< netstandard1.4)) (&& (== netstandard2.0) (< netstandard1.5)) (&& (== netstandard2.0) (< netstandard1.6)) (&& (== netstandard2.0) (< portable-net45+win8+wpa81)) (&& (== netstandard2.0) (< portable-net451+win81+wpa81)) (&& (== netstandard2.0) (>= uap10.0))
      System.Diagnostics.Tracing (>= 4.3) - restriction: || (&& (== net46) (== netstandard2.0)) (&& (== net46) (< net45)) (&& (== net46) (>= uap10.0)) (&& (== net462) (== netstandard2.0)) (&& (== net462) (< net45)) (&& (== net462) (>= uap10.0)) (== netstandard1.6) (&& (== netstandard2.0) (< netstandard1.3)) (&& (== netstandard2.0) (< netstandard1.4)) (&& (== netstandard2.0) (< netstandard1.5)) (&& (== netstandard2.0) (< netstandard1.6)) (&& (== netstandard2.0) (< portable-net451+win81+wpa81)) (&& (== netstandard2.0) (>= uap10.0))
      System.Globalization (>= 4.3) - restriction: || (&& (== net46) (== netstandard2.0)) (&& (== net46) (< net45)) (&& (== net46) (< portable-net45+win8+wpa81)) (&& (== net46) (>= uap10.0)) (&& (== net462) (== netstandard2.0)) (&& (== net462) (< net45)) (&& (== net462) (< portable-net45+win8+wpa81)) (&& (== net462) (>= uap10.0)) (== netstandard1.6) (&& (== netstandard2.0) (< netstandard1.3)) (&& (== netstandard2.0) (< netstandard1.4)) (&& (== netstandard2.0) (< netstandard1.5)) (&& (== netstandard2.0) (< netstandard1.6)) (&& (== netstandard2.0) (< portable-net45+win8+wpa81)) (&& (== netstandard2.0) (< portable-net451+win81+wpa81)) (&& (== netstandard2.0) (>= uap10.0))
      System.Globalization.Calendars (>= 4.3) - restriction: || (== net46) (&& (== net462) (== netstandard2.0)) (&& (== net462) (< net45)) (&& (== net462) (< netstandard1.4)) (&& (== net462) (>= uap10.0)) (== netstandard1.6) (&& (== netstandard2.0) (< netstandard1.4)) (&& (== netstandard2.0) (< netstandard1.5)) (&& (== netstandard2.0) (< netstandard1.6)) (&& (== netstandard2.0) (>= uap10.0))
      System.IO (>= 4.3) - restriction: || (&& (== net46) (== netstandard2.0)) (&& (== net46) (< net45)) (&& (== net46) (< portable-net45+win8+wpa81)) (&& (== net46) (>= uap10.0)) (&& (== net462) (== netstandard2.0)) (&& (== net462) (< net45)) (&& (== net462) (< portable-net45+win8+wpa81)) (&& (== net462) (>= uap10.0)) (== netstandard1.6) (&& (== netstandard2.0) (< netstandard1.3)) (&& (== netstandard2.0) (< netstandard1.4)) (&& (== netstandard2.0) (< netstandard1.5)) (&& (== netstandard2.0) (< netstandard1.6)) (&& (== netstandard2.0) (< portable-net45+win8+wpa81)) (&& (== netstandard2.0) (< portable-net451+win81+wpa81)) (&& (== netstandard2.0) (>= uap10.0))
      System.IO.Compression (>= 4.3) - restriction: || (== net46) (&& (== net462) (== netstandard2.0)) (&& (== net462) (< net45)) (&& (== net462) (< netstandard1.4)) (&& (== net462) (>= uap10.0)) (== netstandard1.6) (&& (== netstandard2.0) (< netstandard1.3)) (&& (== netstandard2.0) (< netstandard1.4)) (&& (== netstandard2.0) (< netstandard1.5)) (&& (== netstandard2.0) (< netstandard1.6)) (&& (== netstandard2.0) (< portable-net451+win81+wpa81)) (&& (== netstandard2.0) (>= uap10.0))
      System.IO.Compression.ZipFile (>= 4.3) - restriction: || (== net46) (&& (== net462) (== netstandard2.0)) (&& (== net462) (< net45)) (&& (== net462) (< netstandard1.4)) (&& (== net462) (>= uap10.0)) (== netstandard1.6) (&& (== netstandard2.0) (< netstandard1.4)) (&& (== netstandard2.0) (< netstandard1.5)) (&& (== netstandard2.0) (< netstandard1.6)) (&& (== netstandard2.0) (>= uap10.0))
      System.IO.FileSystem (>= 4.3) - restriction: || (== net46) (&& (== net462) (== netstandard2.0)) (&& (== net462) (< net45)) (&& (== net462) (< netstandard1.4)) (&& (== net462) (>= uap10.0)) (== netstandard1.6) (&& (== netstandard2.0) (< netstandard1.4)) (&& (== netstandard2.0) (< netstandard1.5)) (&& (== netstandard2.0) (< netstandard1.6)) (&& (== netstandard2.0) (>= uap10.0))
      System.IO.FileSystem.Primitives (>= 4.3) - restriction: || (== net46) (&& (== net462) (== netstandard2.0)) (&& (== net462) (< net45)) (&& (== net462) (< netstandard1.4)) (&& (== net462) (>= uap10.0)) (== netstandard1.6) (&& (== netstandard2.0) (< netstandard1.4)) (&& (== netstandard2.0) (< netstandard1.5)) (&& (== netstandard2.0) (< netstandard1.6)) (&& (== netstandard2.0) (>= uap10.0))
      System.Linq (>= 4.3) - restriction: || (&& (== net46) (== netstandard2.0)) (&& (== net46) (< net45)) (&& (== net46) (< portable-net45+win8+wpa81)) (&& (== net46) (>= uap10.0)) (&& (== net462) (== netstandard2.0)) (&& (== net462) (< net45)) (&& (== net462) (< portable-net45+win8+wpa81)) (&& (== net462) (>= uap10.0)) (== netstandard1.6) (&& (== netstandard2.0) (< netstandard1.3)) (&& (== netstandard2.0) (< netstandard1.4)) (&& (== netstandard2.0) (< netstandard1.5)) (&& (== netstandard2.0) (< netstandard1.6)) (&& (== netstandard2.0) (< portable-net45+win8+wpa81)) (&& (== netstandard2.0) (< portable-net451+win81+wpa81)) (&& (== netstandard2.0) (>= uap10.0))
      System.Linq.Expressions (>= 4.3) - restriction: || (&& (== net46) (== netstandard2.0)) (&& (== net46) (< net45)) (&& (== net46) (< portable-net45+win8+wpa81)) (&& (== net46) (>= uap10.0)) (&& (== net462) (== netstandard2.0)) (&& (== net462) (< net45)) (&& (== net462) (< portable-net45+win8+wpa81)) (&& (== net462) (>= uap10.0)) (== netstandard1.6) (&& (== netstandard2.0) (< netstandard1.3)) (&& (== netstandard2.0) (< netstandard1.4)) (&& (== netstandard2.0) (< netstandard1.5)) (&& (== netstandard2.0) (< netstandard1.6)) (&& (== netstandard2.0) (< portable-net45+win8+wpa81)) (&& (== netstandard2.0) (< portable-net451+win81+wpa81)) (&& (== netstandard2.0) (>= uap10.0))
      System.Net.Http (>= 4.3.2) - restriction: || (== net46) (&& (== net462) (== netstandard2.0)) (&& (== net462) (< net45)) (&& (== net462) (< netstandard1.4)) (&& (== net462) (>= uap10.0)) (== netstandard1.6) (&& (== netstandard2.0) (< netstandard1.3)) (&& (== netstandard2.0) (< netstandard1.4)) (&& (== netstandard2.0) (< netstandard1.5)) (&& (== netstandard2.0) (< netstandard1.6)) (&& (== netstandard2.0) (< portable-net451+win81+wpa81)) (&& (== netstandard2.0) (>= uap10.0))
      System.Net.Primitives (>= 4.3) - restriction: || (&& (== net46) (== netstandard2.0)) (&& (== net46) (< net45)) (&& (== net46) (< portable-net45+win8+wpa81)) (&& (== net46) (>= uap10.0)) (&& (== net462) (== netstandard2.0)) (&& (== net462) (< net45)) (&& (== net462) (< portable-net45+win8+wpa81)) (&& (== net462) (>= uap10.0)) (== netstandard1.6) (&& (== netstandard2.0) (< netstandard1.3)) (&& (== netstandard2.0) (< netstandard1.4)) (&& (== netstandard2.0) (< netstandard1.5)) (&& (== netstandard2.0) (< netstandard1.6)) (&& (== netstandard2.0) (< portable-net45+win8+wpa81)) (&& (== netstandard2.0) (< portable-net451+win81+wpa81)) (&& (== netstandard2.0) (>= uap10.0))
      System.Net.Sockets (>= 4.3) - restriction: || (== net46) (&& (== net462) (== netstandard2.0)) (&& (== net462) (< net45)) (&& (== net462) (< netstandard1.4)) (&& (== net462) (>= uap10.0)) (== netstandard1.6) (&& (== netstandard2.0) (< netstandard1.4)) (&& (== netstandard2.0) (< netstandard1.5)) (&& (== netstandard2.0) (< netstandard1.6)) (&& (== netstandard2.0) (>= uap10.0))
      System.ObjectModel (>= 4.3) - restriction: || (&& (== net46) (== netstandard2.0)) (&& (== net46) (< net45)) (&& (== net46) (< portable-net45+win8+wpa81)) (&& (== net46) (>= uap10.0)) (&& (== net462) (== netstandard2.0)) (&& (== net462) (< net45)) (&& (== net462) (< portable-net45+win8+wpa81)) (&& (== net462) (>= uap10.0)) (== netstandard1.6) (&& (== netstandard2.0) (< netstandard1.3)) (&& (== netstandard2.0) (< netstandard1.4)) (&& (== netstandard2.0) (< netstandard1.5)) (&& (== netstandard2.0) (< netstandard1.6)) (&& (== netstandard2.0) (< portable-net45+win8+wpa81)) (&& (== netstandard2.0) (< portable-net451+win81+wpa81)) (&& (== netstandard2.0) (>= uap10.0))
      System.Reflection (>= 4.3) - restriction: || (&& (== net46) (== netstandard2.0)) (&& (== net46) (< net45)) (&& (== net46) (< portable-net45+win8+wpa81)) (&& (== net46) (>= uap10.0)) (&& (== net462) (== netstandard2.0)) (&& (== net462) (< net45)) (&& (== net462) (< portable-net45+win8+wpa81)) (&& (== net462) (>= uap10.0)) (== netstandard1.6) (&& (== netstandard2.0) (< netstandard1.3)) (&& (== netstandard2.0) (< netstandard1.4)) (&& (== netstandard2.0) (< netstandard1.5)) (&& (== netstandard2.0) (< netstandard1.6)) (&& (== netstandard2.0) (< portable-net45+win8+wpa81)) (&& (== netstandard2.0) (< portable-net451+win81+wpa81)) (&& (== netstandard2.0) (>= uap10.0))
      System.Reflection.Extensions (>= 4.3) - restriction: || (&& (== net46) (== netstandard2.0)) (&& (== net46) (< net45)) (&& (== net46) (< portable-net45+win8+wpa81)) (&& (== net46) (>= uap10.0)) (&& (== net462) (== netstandard2.0)) (&& (== net462) (< net45)) (&& (== net462) (< portable-net45+win8+wpa81)) (&& (== net462) (>= uap10.0)) (== netstandard1.6) (&& (== netstandard2.0) (< netstandard1.3)) (&& (== netstandard2.0) (< netstandard1.4)) (&& (== netstandard2.0) (< netstandard1.5)) (&& (== netstandard2.0) (< netstandard1.6)) (&& (== netstandard2.0) (< portable-net45+win8+wpa81)) (&& (== netstandard2.0) (< portable-net451+win81+wpa81)) (&& (== netstandard2.0) (>= uap10.0))
      System.Reflection.Primitives (>= 4.3) - restriction: || (&& (== net46) (== netstandard2.0)) (&& (== net46) (< net45)) (&& (== net46) (< portable-net45+win8+wpa81)) (&& (== net46) (>= uap10.0)) (&& (== net462) (== netstandard2.0)) (&& (== net462) (< net45)) (&& (== net462) (< portable-net45+win8+wpa81)) (&& (== net462) (>= uap10.0)) (== netstandard1.6) (&& (== netstandard2.0) (< netstandard1.3)) (&& (== netstandard2.0) (< netstandard1.4)) (&& (== netstandard2.0) (< netstandard1.5)) (&& (== netstandard2.0) (< netstandard1.6)) (&& (== netstandard2.0) (< portable-net45+win8+wpa81)) (&& (== netstandard2.0) (< portable-net451+win81+wpa81)) (&& (== netstandard2.0) (>= uap10.0))
      System.Resources.ResourceManager (>= 4.3) - restriction: || (&& (== net46) (== netstandard2.0)) (&& (== net46) (< net45)) (&& (== net46) (< portable-net45+win8+wpa81)) (&& (== net46) (>= uap10.0)) (&& (== net462) (== netstandard2.0)) (&& (== net462) (< net45)) (&& (== net462) (< portable-net45+win8+wpa81)) (&& (== net462) (>= uap10.0)) (== netstandard1.6) (&& (== netstandard2.0) (< netstandard1.3)) (&& (== netstandard2.0) (< netstandard1.4)) (&& (== netstandard2.0) (< netstandard1.5)) (&& (== netstandard2.0) (< netstandard1.6)) (&& (== netstandard2.0) (< portable-net45+win8+wpa81)) (&& (== netstandard2.0) (< portable-net451+win81+wpa81)) (&& (== netstandard2.0) (>= uap10.0))
      System.Runtime (>= 4.3) - restriction: || (&& (== net46) (== netstandard2.0)) (&& (== net46) (< net45)) (&& (== net46) (< portable-net45+win8+wpa81)) (&& (== net46) (>= uap10.0)) (&& (== net462) (== netstandard2.0)) (&& (== net462) (< net45)) (&& (== net462) (< portable-net45+win8+wpa81)) (&& (== net462) (>= uap10.0)) (== netstandard1.6) (&& (== netstandard2.0) (< netstandard1.3)) (&& (== netstandard2.0) (< netstandard1.4)) (&& (== netstandard2.0) (< netstandard1.5)) (&& (== netstandard2.0) (< netstandard1.6)) (&& (== netstandard2.0) (< portable-net45+win8+wpa81)) (&& (== netstandard2.0) (< portable-net451+win81+wpa81)) (&& (== netstandard2.0) (>= uap10.0))
      System.Runtime.Extensions (>= 4.3) - restriction: || (&& (== net46) (== netstandard2.0)) (&& (== net46) (< net45)) (&& (== net46) (< portable-net45+win8+wpa81)) (&& (== net46) (>= uap10.0)) (&& (== net462) (== netstandard2.0)) (&& (== net462) (< net45)) (&& (== net462) (< portable-net45+win8+wpa81)) (&& (== net462) (>= uap10.0)) (== netstandard1.6) (&& (== netstandard2.0) (< netstandard1.3)) (&& (== netstandard2.0) (< netstandard1.4)) (&& (== netstandard2.0) (< netstandard1.5)) (&& (== netstandard2.0) (< netstandard1.6)) (&& (== netstandard2.0) (< portable-net45+win8+wpa81)) (&& (== netstandard2.0) (< portable-net451+win81+wpa81)) (&& (== netstandard2.0) (>= uap10.0))
      System.Runtime.Handles (>= 4.3) - restriction: || (&& (== net46) (== netstandard2.0)) (&& (== net46) (< net45)) (&& (== net46) (>= uap10.0)) (&& (== net462) (== netstandard2.0)) (&& (== net462) (< net45)) (&& (== net462) (>= uap10.0)) (== netstandard1.6) (&& (== netstandard2.0) (< netstandard1.4)) (&& (== netstandard2.0) (< netstandard1.5)) (&& (== netstandard2.0) (< netstandard1.6)) (&& (== netstandard2.0) (>= uap10.0))
      System.Runtime.InteropServices (>= 4.3) - restriction: || (&& (== net46) (== netstandard2.0)) (&& (== net46) (< net45)) (&& (== net46) (>= uap10.0)) (&& (== net462) (== netstandard2.0)) (&& (== net462) (< net45)) (&& (== net462) (>= uap10.0)) (== netstandard1.6) (&& (== netstandard2.0) (< netstandard1.3)) (&& (== netstandard2.0) (< netstandard1.4)) (&& (== netstandard2.0) (< netstandard1.5)) (&& (== netstandard2.0) (< netstandard1.6)) (&& (== netstandard2.0) (< portable-net451+win81+wpa81)) (&& (== netstandard2.0) (>= uap10.0))
      System.Runtime.InteropServices.RuntimeInformation (>= 4.3) - restriction: || (== net46) (&& (== net462) (== netstandard2.0)) (&& (== net462) (< net45)) (&& (== net462) (< netstandard1.0)) (&& (== net462) (< netstandard1.3)) (&& (== net462) (< netstandard1.4)) (&& (== net462) (< portable-net451+win81+wpa81)) (&& (== net462) (>= uap10.0)) (== netstandard1.6) (&& (== netstandard2.0) (< netstandard1.0)) (&& (== netstandard2.0) (< netstandard1.3)) (&& (== netstandard2.0) (< netstandard1.4)) (&& (== netstandard2.0) (< netstandard1.5)) (&& (== netstandard2.0) (< netstandard1.6)) (&& (== netstandard2.0) (< portable-net451+win81+wpa81)) (&& (== netstandard2.0) (>= uap10.0))
      System.Runtime.Numerics (>= 4.3) - restriction: || (&& (== net46) (== netstandard2.0)) (&& (== net46) (< net45)) (&& (== net46) (>= uap10.0)) (&& (== net462) (== netstandard2.0)) (&& (== net462) (< net45)) (&& (== net462) (>= uap10.0)) (== netstandard1.6) (&& (== netstandard2.0) (< netstandard1.3)) (&& (== netstandard2.0) (< netstandard1.4)) (&& (== netstandard2.0) (< netstandard1.5)) (&& (== netstandard2.0) (< netstandard1.6)) (&& (== netstandard2.0) (< portable-net451+win81+wpa81)) (&& (== netstandard2.0) (>= uap10.0))
      System.Security.Cryptography.Algorithms (>= 4.3) - restriction: || (== net46) (&& (== net462) (== netstandard2.0)) (&& (== net462) (< net45)) (&& (== net462) (< netstandard1.4)) (&& (== net462) (>= uap10.0)) (== netstandard1.6) (&& (== netstandard2.0) (< netstandard1.4)) (&& (== netstandard2.0) (< netstandard1.5)) (&& (== netstandard2.0) (< netstandard1.6)) (&& (== netstandard2.0) (>= uap10.0))
      System.Security.Cryptography.Encoding (>= 4.3) - restriction: || (== net46) (&& (== net462) (== netstandard2.0)) (&& (== net462) (< net45)) (&& (== net462) (< netstandard1.4)) (&& (== net462) (>= uap10.0)) (== netstandard1.6) (&& (== netstandard2.0) (< netstandard1.4)) (&& (== netstandard2.0) (< netstandard1.5)) (&& (== netstandard2.0) (< netstandard1.6)) (&& (== netstandard2.0) (>= uap10.0))
      System.Security.Cryptography.Primitives (>= 4.3) - restriction: || (== net46) (&& (== net462) (== netstandard2.0)) (&& (== net462) (< net45)) (&& (== net462) (< netstandard1.4)) (&& (== net462) (>= uap10.0)) (== netstandard1.6) (&& (== netstandard2.0) (< netstandard1.4)) (&& (== netstandard2.0) (< netstandard1.5)) (&& (== netstandard2.0) (< netstandard1.6)) (&& (== netstandard2.0) (>= uap10.0))
      System.Security.Cryptography.X509Certificates (>= 4.3) - restriction: || (== net46) (&& (== net462) (== netstandard2.0)) (&& (== net462) (< net45)) (&& (== net462) (< netstandard1.4)) (&& (== net462) (>= uap10.0)) (== netstandard1.6) (&& (== netstandard2.0) (< netstandard1.4)) (&& (== netstandard2.0) (< netstandard1.5)) (&& (== netstandard2.0) (< netstandard1.6)) (&& (== netstandard2.0) (>= uap10.0))
      System.Text.Encoding (>= 4.3) - restriction: || (&& (== net46) (== netstandard2.0)) (&& (== net46) (< net45)) (&& (== net46) (< portable-net45+win8+wpa81)) (&& (== net46) (>= uap10.0)) (&& (== net462) (== netstandard2.0)) (&& (== net462) (< net45)) (&& (== net462) (< portable-net45+win8+wpa81)) (&& (== net462) (>= uap10.0)) (== netstandard1.6) (&& (== netstandard2.0) (< netstandard1.3)) (&& (== netstandard2.0) (< netstandard1.4)) (&& (== netstandard2.0) (< netstandard1.5)) (&& (== netstandard2.0) (< netstandard1.6)) (&& (== netstandard2.0) (< portable-net45+win8+wpa81)) (&& (== netstandard2.0) (< portable-net451+win81+wpa81)) (&& (== netstandard2.0) (>= uap10.0))
      System.Text.Encoding.Extensions (>= 4.3) - restriction: || (&& (== net46) (== netstandard2.0)) (&& (== net46) (< net45)) (&& (== net46) (< portable-net45+win8+wpa81)) (&& (== net46) (>= uap10.0)) (&& (== net462) (== netstandard2.0)) (&& (== net462) (< net45)) (&& (== net462) (< portable-net45+win8+wpa81)) (&& (== net462) (>= uap10.0)) (== netstandard1.6) (&& (== netstandard2.0) (< netstandard1.3)) (&& (== netstandard2.0) (< netstandard1.4)) (&& (== netstandard2.0) (< netstandard1.5)) (&& (== netstandard2.0) (< netstandard1.6)) (&& (== netstandard2.0) (< portable-net45+win8+wpa81)) (&& (== netstandard2.0) (< portable-net451+win81+wpa81)) (&& (== netstandard2.0) (>= uap10.0))
      System.Text.RegularExpressions (>= 4.3) - restriction: || (&& (== net46) (== netstandard2.0)) (&& (== net46) (< net45)) (&& (== net46) (< portable-net45+win8+wpa81)) (&& (== net46) (>= uap10.0)) (&& (== net462) (== netstandard2.0)) (&& (== net462) (< net45)) (&& (== net462) (< portable-net45+win8+wpa81)) (&& (== net462) (>= uap10.0)) (== netstandard1.6) (&& (== netstandard2.0) (< netstandard1.3)) (&& (== netstandard2.0) (< netstandard1.4)) (&& (== netstandard2.0) (< netstandard1.5)) (&& (== netstandard2.0) (< netstandard1.6)) (&& (== netstandard2.0) (< portable-net45+win8+wpa81)) (&& (== netstandard2.0) (< portable-net451+win81+wpa81)) (&& (== netstandard2.0) (>= uap10.0))
      System.Threading (>= 4.3) - restriction: || (&& (== net46) (== netstandard2.0)) (&& (== net46) (< net45)) (&& (== net46) (< portable-net45+win8+wpa81)) (&& (== net46) (>= uap10.0)) (&& (== net462) (== netstandard2.0)) (&& (== net462) (< net45)) (&& (== net462) (< portable-net45+win8+wpa81)) (&& (== net462) (>= uap10.0)) (== netstandard1.6) (&& (== netstandard2.0) (< netstandard1.3)) (&& (== netstandard2.0) (< netstandard1.4)) (&& (== netstandard2.0) (< netstandard1.5)) (&& (== netstandard2.0) (< netstandard1.6)) (&& (== netstandard2.0) (< portable-net45+win8+wpa81)) (&& (== netstandard2.0) (< portable-net451+win81+wpa81)) (&& (== netstandard2.0) (>= uap10.0))
      System.Threading.Tasks (>= 4.3) - restriction: || (&& (== net46) (== netstandard2.0)) (&& (== net46) (< net45)) (&& (== net46) (< portable-net45+win8+wpa81)) (&& (== net46) (>= uap10.0)) (&& (== net462) (== netstandard2.0)) (&& (== net462) (< net45)) (&& (== net462) (< portable-net45+win8+wpa81)) (&& (== net462) (>= uap10.0)) (== netstandard1.6) (&& (== netstandard2.0) (< netstandard1.3)) (&& (== netstandard2.0) (< netstandard1.4)) (&& (== netstandard2.0) (< netstandard1.5)) (&& (== netstandard2.0) (< netstandard1.6)) (&& (== netstandard2.0) (< portable-net45+win8+wpa81)) (&& (== netstandard2.0) (< portable-net451+win81+wpa81)) (&& (== netstandard2.0) (>= uap10.0))
      System.Threading.Timer (>= 4.3) - restriction: || (&& (== net46) (== netstandard2.0)) (&& (== net46) (< net45)) (&& (== net46) (>= uap10.0)) (&& (== net462) (== netstandard2.0)) (&& (== net462) (< net45)) (&& (== net462) (>= uap10.0)) (== netstandard1.6) (&& (== netstandard2.0) (< netstandard1.3)) (&& (== netstandard2.0) (< netstandard1.4)) (&& (== netstandard2.0) (< netstandard1.5)) (&& (== netstandard2.0) (< netstandard1.6)) (&& (== netstandard2.0) (>= uap10.0))
      System.Xml.ReaderWriter (>= 4.3) - restriction: || (== net46) (&& (== net462) (== netstandard2.0)) (&& (== net462) (< net45)) (&& (== net462) (< netstandard1.4)) (&& (== net462) (< portable-net45+win8+wpa81)) (&& (== net462) (>= uap10.0)) (== netstandard1.6) (&& (== netstandard2.0) (< netstandard1.3)) (&& (== netstandard2.0) (< netstandard1.4)) (&& (== netstandard2.0) (< netstandard1.5)) (&& (== netstandard2.0) (< netstandard1.6)) (&& (== netstandard2.0) (< portable-net45+win8+wpa81)) (&& (== netstandard2.0) (< portable-net451+win81+wpa81)) (&& (== netstandard2.0) (>= uap10.0))
      System.Xml.XDocument (>= 4.3) - restriction: || (&& (== net46) (== netstandard2.0)) (&& (== net46) (< net45)) (&& (== net46) (< portable-net45+win8+wpa81)) (&& (== net46) (>= uap10.0)) (&& (== net462) (== netstandard2.0)) (&& (== net462) (< net45)) (&& (== net462) (< portable-net45+win8+wpa81)) (&& (== net462) (>= uap10.0)) (== netstandard1.6) (&& (== netstandard2.0) (< netstandard1.3)) (&& (== netstandard2.0) (< netstandard1.4)) (&& (== netstandard2.0) (< netstandard1.5)) (&& (== netstandard2.0) (< netstandard1.6)) (&& (== netstandard2.0) (< portable-net45+win8+wpa81)) (&& (== netstandard2.0) (< portable-net451+win81+wpa81)) (&& (== netstandard2.0) (>= uap10.0))
    runtime.debian.8-x64.runtime.native.System.Security.Cryptography.OpenSsl (4.3.2) - restriction: || (&& (== net46) (== netstandard2.0)) (&& (== net46) (< net45) (>= netstandard1.6)) (&& (== net46) (>= netstandard1.6) (>= uap10.0)) (&& (== net462) (== netstandard2.0)) (&& (== net462) (< net45) (>= netstandard1.6)) (&& (== net462) (>= netstandard1.6) (>= uap10.0)) (== netstandard1.6) (&& (== netstandard2.0) (< netstandard1.3)) (&& (== netstandard2.0) (< netstandard1.4)) (&& (== netstandard2.0) (< netstandard1.5)) (&& (== netstandard2.0) (< netstandard1.6)) (&& (== netstandard2.0) (< portable-net451+win81+wpa81)) (&& (== netstandard2.0) (>= uap10.0))
    runtime.fedora.23-x64.runtime.native.System.Security.Cryptography.OpenSsl (4.3.2) - restriction: || (&& (== net46) (== netstandard2.0)) (&& (== net46) (< net45) (>= netstandard1.6)) (&& (== net46) (>= netstandard1.6) (>= uap10.0)) (&& (== net462) (== netstandard2.0)) (&& (== net462) (< net45) (>= netstandard1.6)) (&& (== net462) (>= netstandard1.6) (>= uap10.0)) (== netstandard1.6) (&& (== netstandard2.0) (< netstandard1.3)) (&& (== netstandard2.0) (< netstandard1.4)) (&& (== netstandard2.0) (< netstandard1.5)) (&& (== netstandard2.0) (< netstandard1.6)) (&& (== netstandard2.0) (< portable-net451+win81+wpa81)) (&& (== netstandard2.0) (>= uap10.0))
    runtime.fedora.24-x64.runtime.native.System.Security.Cryptography.OpenSsl (4.3.2) - restriction: || (&& (== net46) (== netstandard2.0)) (&& (== net46) (< net45) (>= netstandard1.6)) (&& (== net46) (>= netstandard1.6) (>= uap10.0)) (&& (== net462) (== netstandard2.0)) (&& (== net462) (< net45) (>= netstandard1.6)) (&& (== net462) (>= netstandard1.6) (>= uap10.0)) (== netstandard1.6) (&& (== netstandard2.0) (< netstandard1.3)) (&& (== netstandard2.0) (< netstandard1.4)) (&& (== netstandard2.0) (< netstandard1.5)) (&& (== netstandard2.0) (< netstandard1.6)) (&& (== netstandard2.0) (< portable-net451+win81+wpa81)) (&& (== netstandard2.0) (>= uap10.0))
    runtime.native.System (4.3) - restriction: || (&& (== net46) (== netstandard2.0)) (&& (== net46) (< net45)) (&& (== net46) (< net452) (>= netstandard1.6)) (&& (== net46) (< netstandard1.0)) (&& (== net46) (< netstandard1.3) (>= wpa81)) (&& (== net46) (>= uap10.0)) (&& (== net462) (== netstandard2.0)) (&& (== net462) (< net45)) (&& (== net462) (< net452) (< netstandard1.4) (>= netstandard1.6)) (&& (== net462) (< netstandard1.0)) (&& (== net462) (< netstandard1.3) (>= wpa81)) (&& (== net462) (>= uap10.0)) (== netstandard1.6) (&& (== netstandard2.0) (< netstandard1.0)) (&& (== netstandard2.0) (< netstandard1.3)) (&& (== netstandard2.0) (< netstandard1.4)) (&& (== netstandard2.0) (< netstandard1.5)) (&& (== netstandard2.0) (< netstandard1.6)) (&& (== netstandard2.0) (< portable-net451+win81+wpa81)) (&& (== netstandard2.0) (>= uap10.0))
      Microsoft.NETCore.Platforms (>= 1.1)
      Microsoft.NETCore.Targets (>= 1.1)
    runtime.native.System.IO.Compression (4.3.1) - restriction: || (&& (== net46) (== netstandard2.0)) (&& (== net46) (< net45)) (&& (== net46) (< portable-net45+win8+wpa81)) (&& (== net46) (>= uap10.0)) (&& (== net462) (== netstandard2.0)) (&& (== net462) (< net45)) (&& (== net462) (< portable-net45+win8+wpa81)) (&& (== net462) (>= uap10.0)) (== netstandard1.6) (&& (== netstandard2.0) (< netstandard1.3)) (&& (== netstandard2.0) (< netstandard1.4)) (&& (== netstandard2.0) (< netstandard1.5)) (&& (== netstandard2.0) (< netstandard1.6)) (&& (== netstandard2.0) (< portable-net45+win8+wpa81)) (&& (== netstandard2.0) (< portable-net451+win81+wpa81)) (&& (== netstandard2.0) (>= uap10.0))
      Microsoft.NETCore.Platforms (>= 1.1)
      Microsoft.NETCore.Targets (>= 1.1.1)
    runtime.native.System.Net.Http (4.3) - restriction: || (&& (== net46) (== netstandard2.0)) (&& (== net46) (< net45) (>= netstandard1.6)) (&& (== net46) (< net452) (>= netstandard1.6)) (&& (== net46) (>= netstandard1.6) (>= uap10.0)) (&& (== net462) (== netstandard2.0)) (&& (== net462) (< net45) (>= netstandard1.6)) (&& (== net462) (< net452) (< netstandard1.4) (>= netstandard1.6)) (&& (== net462) (>= netstandard1.6) (>= uap10.0)) (== netstandard1.6) (&& (== netstandard2.0) (< netstandard1.3)) (&& (== netstandard2.0) (< netstandard1.4)) (&& (== netstandard2.0) (< netstandard1.5)) (&& (== netstandard2.0) (< netstandard1.6)) (&& (== netstandard2.0) (< portable-net451+win81+wpa81)) (&& (== netstandard2.0) (>= uap10.0))
      Microsoft.NETCore.Platforms (>= 1.1)
      Microsoft.NETCore.Targets (>= 1.1)
    runtime.native.System.Security.Cryptography.Apple (4.3.1) - restriction: || (&& (== net46) (== netstandard2.0)) (&& (== net46) (< net45) (>= netstandard1.6)) (&& (== net46) (< net452) (>= netstandard1.6)) (&& (== net46) (>= netstandard1.6) (>= uap10.0)) (&& (== net462) (== netstandard2.0)) (&& (== net462) (< net45) (>= netstandard1.6)) (&& (== net462) (< net452) (< netstandard1.4) (>= netstandard1.6)) (&& (== net462) (>= netstandard1.6) (>= uap10.0)) (== netstandard1.6) (&& (== netstandard2.0) (< netstandard1.4)) (&& (== netstandard2.0) (< netstandard1.5)) (&& (== netstandard2.0) (< netstandard1.6)) (&& (== netstandard2.0) (>= uap10.0))
      runtime.osx.10.10-x64.runtime.native.System.Security.Cryptography.Apple (>= 4.3.1)
    runtime.native.System.Security.Cryptography.OpenSsl (4.3.2) - restriction: || (&& (== net46) (== netstandard2.0)) (&& (== net46) (< net45)) (&& (== net46) (< net452)) (&& (== net46) (>= uap10.0)) (&& (== net462) (== netstandard2.0)) (&& (== net462) (< net45)) (&& (== net462) (< net452) (< netstandard1.4)) (&& (== net462) (>= uap10.0)) (== netstandard1.6) (&& (== netstandard2.0) (< netstandard1.3)) (&& (== netstandard2.0) (< netstandard1.4)) (&& (== netstandard2.0) (< netstandard1.5)) (&& (== netstandard2.0) (< netstandard1.6)) (&& (== netstandard2.0) (< portable-net451+win81+wpa81)) (&& (== netstandard2.0) (>= uap10.0))
      runtime.debian.8-x64.runtime.native.System.Security.Cryptography.OpenSsl (>= 4.3.2)
      runtime.fedora.23-x64.runtime.native.System.Security.Cryptography.OpenSsl (>= 4.3.2)
      runtime.fedora.24-x64.runtime.native.System.Security.Cryptography.OpenSsl (>= 4.3.2)
      runtime.opensuse.13.2-x64.runtime.native.System.Security.Cryptography.OpenSsl (>= 4.3.2)
      runtime.opensuse.42.1-x64.runtime.native.System.Security.Cryptography.OpenSsl (>= 4.3.2)
      runtime.osx.10.10-x64.runtime.native.System.Security.Cryptography.OpenSsl (>= 4.3.2)
      runtime.rhel.7-x64.runtime.native.System.Security.Cryptography.OpenSsl (>= 4.3.2)
      runtime.ubuntu.14.04-x64.runtime.native.System.Security.Cryptography.OpenSsl (>= 4.3.2)
      runtime.ubuntu.16.04-x64.runtime.native.System.Security.Cryptography.OpenSsl (>= 4.3.2)
      runtime.ubuntu.16.10-x64.runtime.native.System.Security.Cryptography.OpenSsl (>= 4.3.2)
    runtime.opensuse.13.2-x64.runtime.native.System.Security.Cryptography.OpenSsl (4.3.2) - restriction: || (&& (== net46) (== netstandard2.0)) (&& (== net46) (< net45) (>= netstandard1.6)) (&& (== net46) (>= netstandard1.6) (>= uap10.0)) (&& (== net462) (== netstandard2.0)) (&& (== net462) (< net45) (>= netstandard1.6)) (&& (== net462) (>= netstandard1.6) (>= uap10.0)) (== netstandard1.6) (&& (== netstandard2.0) (< netstandard1.3)) (&& (== netstandard2.0) (< netstandard1.4)) (&& (== netstandard2.0) (< netstandard1.5)) (&& (== netstandard2.0) (< netstandard1.6)) (&& (== netstandard2.0) (< portable-net451+win81+wpa81)) (&& (== netstandard2.0) (>= uap10.0))
    runtime.opensuse.42.1-x64.runtime.native.System.Security.Cryptography.OpenSsl (4.3.2) - restriction: || (&& (== net46) (== netstandard2.0)) (&& (== net46) (< net45) (>= netstandard1.6)) (&& (== net46) (>= netstandard1.6) (>= uap10.0)) (&& (== net462) (== netstandard2.0)) (&& (== net462) (< net45) (>= netstandard1.6)) (&& (== net462) (>= netstandard1.6) (>= uap10.0)) (== netstandard1.6) (&& (== netstandard2.0) (< netstandard1.3)) (&& (== netstandard2.0) (< netstandard1.4)) (&& (== netstandard2.0) (< netstandard1.5)) (&& (== netstandard2.0) (< netstandard1.6)) (&& (== netstandard2.0) (< portable-net451+win81+wpa81)) (&& (== netstandard2.0) (>= uap10.0))
    runtime.osx.10.10-x64.runtime.native.System.Security.Cryptography.Apple (4.3.1) - restriction: || (&& (== net46) (== netstandard2.0)) (&& (== net46) (< net45) (>= netstandard1.6)) (&& (== net46) (< net452) (>= netstandard1.6)) (&& (== net46) (>= netstandard1.6) (>= uap10.0)) (&& (== net462) (== netstandard2.0)) (&& (== net462) (< net45) (>= netstandard1.6)) (&& (== net462) (< net452) (< netstandard1.4) (>= netstandard1.6)) (&& (== net462) (>= netstandard1.6) (>= uap10.0)) (== netstandard1.6) (&& (== netstandard2.0) (< netstandard1.4)) (&& (== netstandard2.0) (< netstandard1.5)) (&& (== netstandard2.0) (< netstandard1.6)) (&& (== netstandard2.0) (>= uap10.0))
    runtime.osx.10.10-x64.runtime.native.System.Security.Cryptography.OpenSsl (4.3.2) - restriction: || (&& (== net46) (== netstandard2.0)) (&& (== net46) (< net45) (>= netstandard1.6)) (&& (== net46) (>= netstandard1.6) (>= uap10.0)) (&& (== net462) (== netstandard2.0)) (&& (== net462) (< net45) (>= netstandard1.6)) (&& (== net462) (>= netstandard1.6) (>= uap10.0)) (== netstandard1.6) (&& (== netstandard2.0) (< netstandard1.3)) (&& (== netstandard2.0) (< netstandard1.4)) (&& (== netstandard2.0) (< netstandard1.5)) (&& (== netstandard2.0) (< netstandard1.6)) (&& (== netstandard2.0) (< portable-net451+win81+wpa81)) (&& (== netstandard2.0) (>= uap10.0))
    runtime.rhel.7-x64.runtime.native.System.Security.Cryptography.OpenSsl (4.3.2) - restriction: || (&& (== net46) (== netstandard2.0)) (&& (== net46) (< net45) (>= netstandard1.6)) (&& (== net46) (>= netstandard1.6) (>= uap10.0)) (&& (== net462) (== netstandard2.0)) (&& (== net462) (< net45) (>= netstandard1.6)) (&& (== net462) (>= netstandard1.6) (>= uap10.0)) (== netstandard1.6) (&& (== netstandard2.0) (< netstandard1.3)) (&& (== netstandard2.0) (< netstandard1.4)) (&& (== netstandard2.0) (< netstandard1.5)) (&& (== netstandard2.0) (< netstandard1.6)) (&& (== netstandard2.0) (< portable-net451+win81+wpa81)) (&& (== netstandard2.0) (>= uap10.0))
    runtime.ubuntu.14.04-x64.runtime.native.System.Security.Cryptography.OpenSsl (4.3.2) - restriction: || (&& (== net46) (== netstandard2.0)) (&& (== net46) (< net45) (>= netstandard1.6)) (&& (== net46) (>= netstandard1.6) (>= uap10.0)) (&& (== net462) (== netstandard2.0)) (&& (== net462) (< net45) (>= netstandard1.6)) (&& (== net462) (>= netstandard1.6) (>= uap10.0)) (== netstandard1.6) (&& (== netstandard2.0) (< netstandard1.3)) (&& (== netstandard2.0) (< netstandard1.4)) (&& (== netstandard2.0) (< netstandard1.5)) (&& (== netstandard2.0) (< netstandard1.6)) (&& (== netstandard2.0) (< portable-net451+win81+wpa81)) (&& (== netstandard2.0) (>= uap10.0))
    runtime.ubuntu.16.04-x64.runtime.native.System.Security.Cryptography.OpenSsl (4.3.2) - restriction: || (&& (== net46) (== netstandard2.0)) (&& (== net46) (< net45) (>= netstandard1.6)) (&& (== net46) (>= netstandard1.6) (>= uap10.0)) (&& (== net462) (== netstandard2.0)) (&& (== net462) (< net45) (>= netstandard1.6)) (&& (== net462) (>= netstandard1.6) (>= uap10.0)) (== netstandard1.6) (&& (== netstandard2.0) (< netstandard1.3)) (&& (== netstandard2.0) (< netstandard1.4)) (&& (== netstandard2.0) (< netstandard1.5)) (&& (== netstandard2.0) (< netstandard1.6)) (&& (== netstandard2.0) (< portable-net451+win81+wpa81)) (&& (== netstandard2.0) (>= uap10.0))
    runtime.ubuntu.16.10-x64.runtime.native.System.Security.Cryptography.OpenSsl (4.3.2) - restriction: || (&& (== net46) (== netstandard2.0)) (&& (== net46) (< net45) (>= netstandard1.6)) (&& (== net46) (>= netstandard1.6) (>= uap10.0)) (&& (== net462) (== netstandard2.0)) (&& (== net462) (< net45) (>= netstandard1.6)) (&& (== net462) (>= netstandard1.6) (>= uap10.0)) (== netstandard1.6) (&& (== netstandard2.0) (< netstandard1.3)) (&& (== netstandard2.0) (< netstandard1.4)) (&& (== netstandard2.0) (< netstandard1.5)) (&& (== netstandard2.0) (< netstandard1.6)) (&& (== netstandard2.0) (< portable-net451+win81+wpa81)) (&& (== netstandard2.0) (>= uap10.0))
    System.AppContext (4.3) - restriction: || (&& (== net46) (== netstandard2.0)) (&& (== net46) (< net45)) (&& (== net46) (< net452)) (&& (== net46) (>= uap10.0)) (&& (== net462) (== netstandard2.0)) (&& (== net462) (< net45)) (&& (== net462) (< net452) (< netstandard1.4)) (&& (== net462) (>= uap10.0)) (== netstandard1.6) (&& (== netstandard2.0) (< netstandard1.4)) (&& (== netstandard2.0) (< netstandard1.5)) (&& (== netstandard2.0) (< netstandard1.6)) (&& (== netstandard2.0) (>= uap10.0))
      System.Runtime (>= 4.3) - restriction: || (&& (== net46) (< netstandard1.3)) (&& (== net462) (< net46)) (&& (== net462) (< netstandard1.3)) (== netstandard1.6) (== netstandard2.0)
    System.Buffers (4.4) - restriction: || (&& (== net46) (== netstandard2.0)) (&& (== net46) (< net45)) (&& (== net46) (< net452)) (&& (== net46) (< portable-net45+win8+wpa81)) (&& (== net46) (>= uap10.0)) (&& (== net462) (== netstandard2.0)) (&& (== net462) (< net45)) (&& (== net462) (< net452) (< netstandard1.4)) (&& (== net462) (< portable-net45+win8+wpa81)) (&& (== net462) (>= uap10.0)) (== netstandard1.6) (&& (== netstandard2.0) (< netstandard1.3)) (&& (== netstandard2.0) (< netstandard1.4)) (&& (== netstandard2.0) (< netstandard1.5)) (&& (== netstandard2.0) (< netstandard1.6)) (&& (== netstandard2.0) (< portable-net45+win8+wpa81)) (&& (== netstandard2.0) (< portable-net451+win81+wpa81)) (&& (== netstandard2.0) (>= uap10.0))
      System.Diagnostics.Debug (>= 4.3) - restriction: || (== net46) (== net462) (== netstandard1.6)
      System.Diagnostics.Tracing (>= 4.3) - restriction: || (== net46) (== net462) (== netstandard1.6)
      System.Resources.ResourceManager (>= 4.3) - restriction: || (== net46) (== net462) (== netstandard1.6)
      System.Runtime (>= 4.3) - restriction: || (== net46) (== net462) (== netstandard1.6)
      System.Threading (>= 4.3) - restriction: || (== net46) (== net462) (== netstandard1.6)
    System.Collections (4.3) - restriction: || (&& (== net46) (== netstandard2.0)) (&& (== net46) (< net45)) (&& (== net46) (< portable-net45+win8+wpa81)) (&& (== net46) (>= uap10.0)) (&& (== net462) (== netstandard2.0)) (&& (== net462) (< net45)) (&& (== net462) (< portable-net45+win8+wpa81)) (&& (== net462) (>= uap10.0)) (== netstandard1.6) (&& (== netstandard2.0) (< netstandard1.3)) (&& (== netstandard2.0) (< netstandard1.4)) (&& (== netstandard2.0) (< netstandard1.5)) (&& (== netstandard2.0) (< netstandard1.6)) (&& (== netstandard2.0) (< portable-net45+win8+wpa81)) (&& (== netstandard2.0) (< portable-net451+win81+wpa81)) (&& (== netstandard2.0) (>= uap10.0))
      Microsoft.NETCore.Platforms (>= 1.1) - restriction: || (&& (== net46) (< net45)) (&& (== net46) (< portable-net45+win8+wp8+wpa81)) (&& (== net462) (< net45)) (&& (== net462) (< portable-net45+win8+wp8+wpa81)) (== netstandard1.6) (== netstandard2.0)
      Microsoft.NETCore.Targets (>= 1.1) - restriction: || (&& (== net46) (< net45)) (&& (== net46) (< portable-net45+win8+wp8+wpa81)) (&& (== net462) (< net45)) (&& (== net462) (< portable-net45+win8+wp8+wpa81)) (== netstandard1.6) (== netstandard2.0)
      System.Runtime (>= 4.3) - restriction: || (&& (== net46) (< net45)) (&& (== net46) (< portable-net45+win8+wp8+wpa81)) (&& (== net462) (< net45)) (&& (== net462) (< portable-net45+win8+wp8+wpa81)) (== netstandard1.6) (== netstandard2.0)
    System.Collections.Concurrent (4.3) - restriction: || (&& (== net46) (== netstandard2.0)) (&& (== net46) (< net45)) (&& (== net46) (>= uap10.0)) (&& (== net462) (== netstandard2.0)) (&& (== net462) (< net45)) (&& (== net462) (>= uap10.0)) (== netstandard1.6) (&& (== netstandard2.0) (< netstandard1.3)) (&& (== netstandard2.0) (< netstandard1.4)) (&& (== netstandard2.0) (< netstandard1.5)) (&& (== netstandard2.0) (< netstandard1.6)) (&& (== netstandard2.0) (< portable-net451+win81+wpa81)) (&& (== netstandard2.0) (>= uap10.0))
      System.Collections (>= 4.3) - restriction: || (&& (== net46) (< net45)) (&& (== net46) (< portable-net45+win8+wpa81)) (&& (== net462) (< net45)) (&& (== net462) (< portable-net45+win8+wpa81)) (== netstandard1.6) (== netstandard2.0)
      System.Diagnostics.Debug (>= 4.3) - restriction: || (&& (== net46) (< net45)) (&& (== net46) (< portable-net45+win8+wpa81)) (&& (== net462) (< net45)) (&& (== net462) (< portable-net45+win8+wpa81)) (== netstandard1.6) (== netstandard2.0)
      System.Diagnostics.Tracing (>= 4.3) - restriction: || (&& (== net46) (< net45)) (&& (== net46) (< portable-net45+win8+wpa81)) (&& (== net462) (< net45)) (&& (== net462) (< portable-net45+win8+wpa81)) (== netstandard1.6) (== netstandard2.0)
      System.Globalization (>= 4.3) - restriction: || (&& (== net46) (< net45)) (&& (== net46) (< portable-net45+win8+wpa81)) (&& (== net462) (< net45)) (&& (== net462) (< portable-net45+win8+wpa81)) (== netstandard1.6) (== netstandard2.0)
      System.Reflection (>= 4.3) - restriction: || (&& (== net46) (< net45)) (&& (== net462) (< net45)) (== netstandard1.6) (== netstandard2.0)
      System.Resources.ResourceManager (>= 4.3) - restriction: || (&& (== net46) (< net45)) (&& (== net46) (< portable-net45+win8+wpa81)) (&& (== net462) (< net45)) (&& (== net462) (< portable-net45+win8+wpa81)) (== netstandard1.6) (== netstandard2.0)
      System.Runtime (>= 4.3) - restriction: || (&& (== net46) (< net45)) (&& (== net46) (< portable-net45+win8+wpa81)) (&& (== net462) (< net45)) (&& (== net462) (< portable-net45+win8+wpa81)) (== netstandard1.6) (== netstandard2.0)
      System.Runtime.Extensions (>= 4.3) - restriction: || (&& (== net46) (< net45)) (&& (== net46) (< portable-net45+win8+wpa81)) (&& (== net462) (< net45)) (&& (== net462) (< portable-net45+win8+wpa81)) (== netstandard1.6) (== netstandard2.0)
      System.Threading (>= 4.3) - restriction: || (&& (== net46) (< net45)) (&& (== net46) (< portable-net45+win8+wpa81)) (&& (== net462) (< net45)) (&& (== net462) (< portable-net45+win8+wpa81)) (== netstandard1.6) (== netstandard2.0)
      System.Threading.Tasks (>= 4.3) - restriction: || (&& (== net46) (< net45)) (&& (== net46) (< portable-net45+win8+wpa81)) (&& (== net462) (< net45)) (&& (== net462) (< portable-net45+win8+wpa81)) (== netstandard1.6) (== netstandard2.0)
    System.Console (4.3) - restriction: || (&& (== net46) (== netstandard2.0)) (&& (== net46) (< net45)) (&& (== net46) (< net452)) (&& (== net46) (>= uap10.0)) (&& (== net462) (== netstandard2.0)) (&& (== net462) (< net45)) (&& (== net462) (< net452) (< netstandard1.4)) (&& (== net462) (>= uap10.0)) (== netstandard1.6) (&& (== netstandard2.0) (< netstandard1.4)) (&& (== netstandard2.0) (< netstandard1.5)) (&& (== netstandard2.0) (< netstandard1.6)) (&& (== netstandard2.0) (>= uap10.0))
      Microsoft.NETCore.Platforms (>= 1.1) - restriction: || (&& (== net462) (< net46)) (== netstandard1.6) (== netstandard2.0)
      Microsoft.NETCore.Targets (>= 1.1) - restriction: || (&& (== net462) (< net46)) (== netstandard1.6) (== netstandard2.0)
      System.IO (>= 4.3) - restriction: || (&& (== net462) (< net46)) (== netstandard1.6) (== netstandard2.0)
      System.Runtime (>= 4.3) - restriction: || (&& (== net462) (< net46)) (== netstandard1.6) (== netstandard2.0)
      System.Text.Encoding (>= 4.3) - restriction: || (&& (== net462) (< net46)) (== netstandard1.6) (== netstandard2.0)
    System.Data.HashFunction.Core (1.8.2.2)
      System.Data.HashFunction.Interfaces (>= 1.0.0.2)
    System.Data.HashFunction.Interfaces (1.0.0.2)
    System.Data.HashFunction.xxHash (1.8.2.2)
      System.Data.HashFunction.Core (>= 1.8.2.2)
      System.Data.HashFunction.Interfaces (>= 1.0.0.2)
    System.Diagnostics.Debug (4.3) - restriction: || (&& (== net46) (== netstandard2.0)) (&& (== net46) (< net45)) (&& (== net46) (< portable-net45+win8+wpa81)) (&& (== net46) (>= uap10.0)) (&& (== net462) (== netstandard2.0)) (&& (== net462) (< net45)) (&& (== net462) (< portable-net45+win8+wpa81)) (&& (== net462) (>= uap10.0)) (== netstandard1.6) (&& (== netstandard2.0) (< netstandard1.3)) (&& (== netstandard2.0) (< netstandard1.4)) (&& (== netstandard2.0) (< netstandard1.5)) (&& (== netstandard2.0) (< netstandard1.6)) (&& (== netstandard2.0) (< portable-net45+win8+wpa81)) (&& (== netstandard2.0) (< portable-net451+win81+wpa81)) (&& (== netstandard2.0) (>= uap10.0))
      Microsoft.NETCore.Platforms (>= 1.1) - restriction: || (&& (== net46) (< net45)) (&& (== net46) (< portable-net45+win8+wp8+wpa81)) (&& (== net462) (< net45)) (&& (== net462) (< portable-net45+win8+wp8+wpa81)) (== netstandard1.6) (== netstandard2.0)
      Microsoft.NETCore.Targets (>= 1.1) - restriction: || (&& (== net46) (< net45)) (&& (== net46) (< portable-net45+win8+wp8+wpa81)) (&& (== net462) (< net45)) (&& (== net462) (< portable-net45+win8+wp8+wpa81)) (== netstandard1.6) (== netstandard2.0)
      System.Runtime (>= 4.3) - restriction: || (&& (== net46) (< net45)) (&& (== net46) (< portable-net45+win8+wp8+wpa81)) (&& (== net462) (< net45)) (&& (== net462) (< portable-net45+win8+wp8+wpa81)) (== netstandard1.6) (== netstandard2.0)
    System.Diagnostics.DiagnosticSource (4.4.1) - restriction: || (&& (== net46) (== netstandard2.0)) (&& (== net46) (< net45)) (&& (== net46) (< portable-net45+win8+wpa81)) (&& (== net46) (>= uap10.0)) (&& (== net462) (== netstandard2.0)) (&& (== net462) (< net45)) (&& (== net462) (< portable-net45+win8+wpa81)) (&& (== net462) (>= uap10.0)) (== netstandard1.6) (&& (== netstandard2.0) (< netstandard1.3)) (&& (== netstandard2.0) (< netstandard1.4)) (&& (== netstandard2.0) (< netstandard1.5)) (&& (== netstandard2.0) (< netstandard1.6)) (&& (== netstandard2.0) (< portable-net45+win8+wpa81)) (&& (== netstandard2.0) (< portable-net451+win81+wpa81)) (&& (== netstandard2.0) (>= uap10.0))
      System.Collections (>= 4.3) - restriction: || (&& (== net46) (< net45)) (&& (== net462) (< net45)) (== netstandard1.6) (== netstandard2.0)
      System.Diagnostics.Debug (>= 4.3) - restriction: || (&& (== net46) (< net45)) (&& (== net462) (< net45)) (== netstandard1.6) (== netstandard2.0)
      System.Diagnostics.Tracing (>= 4.3) - restriction: || (&& (== net46) (< net45)) (&& (== net462) (< net45)) (== netstandard1.6) (== netstandard2.0)
      System.Reflection (>= 4.3) - restriction: || (&& (== net46) (< net45)) (&& (== net462) (< net45)) (== netstandard1.6) (== netstandard2.0)
      System.Runtime (>= 4.3) - restriction: || (&& (== net46) (< net45)) (&& (== net462) (< net45)) (== netstandard1.6) (== netstandard2.0)
      System.Runtime.Extensions (>= 4.3) - restriction: || (&& (== net46) (< net45)) (&& (== net462) (< net45)) (== netstandard1.6) (== netstandard2.0)
      System.Threading (>= 4.3) - restriction: || (&& (== net46) (< net45)) (&& (== net462) (< net45)) (== netstandard1.6) (== netstandard2.0)
    System.Diagnostics.Tools (4.3) - restriction: || (&& (== net46) (== netstandard2.0)) (&& (== net46) (< net45)) (&& (== net46) (< portable-net45+win8+wpa81)) (&& (== net46) (>= uap10.0)) (&& (== net462) (== netstandard2.0)) (&& (== net462) (< net45)) (&& (== net462) (< portable-net45+win8+wpa81)) (&& (== net462) (>= uap10.0)) (== netstandard1.6) (&& (== netstandard2.0) (< netstandard1.3)) (&& (== netstandard2.0) (< netstandard1.4)) (&& (== netstandard2.0) (< netstandard1.5)) (&& (== netstandard2.0) (< netstandard1.6)) (&& (== netstandard2.0) (< portable-net45+win8+wpa81)) (&& (== netstandard2.0) (< portable-net451+win81+wpa81)) (&& (== netstandard2.0) (>= uap10.0))
      Microsoft.NETCore.Platforms (>= 1.1) - restriction: || (&& (== net46) (< net45)) (&& (== net46) (< portable-net45+win8+wp8+wpa81)) (&& (== net462) (< net45)) (&& (== net462) (< portable-net45+win8+wp8+wpa81)) (== netstandard1.6) (== netstandard2.0)
      Microsoft.NETCore.Targets (>= 1.1) - restriction: || (&& (== net46) (< net45)) (&& (== net46) (< portable-net45+win8+wp8+wpa81)) (&& (== net462) (< net45)) (&& (== net462) (< portable-net45+win8+wp8+wpa81)) (== netstandard1.6) (== netstandard2.0)
      System.Runtime (>= 4.3) - restriction: || (&& (== net46) (< net45)) (&& (== net46) (< portable-net45+win8+wp8+wpa81)) (&& (== net462) (< net45)) (&& (== net462) (< portable-net45+win8+wp8+wpa81)) (== netstandard1.6) (== netstandard2.0)
    System.Diagnostics.Tracing (4.3) - restriction: || (&& (== net46) (== netstandard2.0)) (&& (== net46) (< net45)) (&& (== net46) (< portable-net45+win8+wpa81)) (&& (== net46) (>= uap10.0)) (&& (== net462) (== netstandard2.0)) (&& (== net462) (< net45)) (&& (== net462) (< portable-net45+win8+wpa81)) (&& (== net462) (>= uap10.0)) (== netstandard1.6) (&& (== netstandard2.0) (< netstandard1.3)) (&& (== netstandard2.0) (< netstandard1.4)) (&& (== netstandard2.0) (< netstandard1.5)) (&& (== netstandard2.0) (< netstandard1.6)) (&& (== netstandard2.0) (< portable-net45+win8+wpa81)) (&& (== netstandard2.0) (< portable-net451+win81+wpa81)) (&& (== netstandard2.0) (>= uap10.0))
      Microsoft.NETCore.Platforms (>= 1.1) - restriction: || (&& (== net46) (< net45)) (&& (== net46) (< portable-net45+win8+wpa81)) (&& (== net462) (< net45)) (&& (== net462) (< portable-net45+win8+wpa81)) (== netstandard1.6) (== netstandard2.0)
      Microsoft.NETCore.Targets (>= 1.1) - restriction: || (&& (== net46) (< net45)) (&& (== net46) (< portable-net45+win8+wpa81)) (&& (== net462) (< net45)) (&& (== net462) (< portable-net45+win8+wpa81)) (== netstandard1.6) (== netstandard2.0)
      System.Runtime (>= 4.3) - restriction: || (&& (== net46) (< net45)) (&& (== net46) (< portable-net45+win8+wpa81)) (&& (== net462) (< net45)) (&& (== net462) (< portable-net45+win8+wpa81)) (== netstandard1.6) (== netstandard2.0)
    System.Globalization (4.3) - restriction: || (&& (== net46) (== netstandard2.0)) (&& (== net46) (< net45)) (&& (== net46) (< portable-net45+win8+wpa81)) (&& (== net46) (>= uap10.0)) (&& (== net462) (== netstandard2.0)) (&& (== net462) (< net45)) (&& (== net462) (< portable-net45+win8+wpa81)) (&& (== net462) (>= uap10.0)) (== netstandard1.6) (&& (== netstandard2.0) (< netstandard1.3)) (&& (== netstandard2.0) (< netstandard1.4)) (&& (== netstandard2.0) (< netstandard1.5)) (&& (== netstandard2.0) (< netstandard1.6)) (&& (== netstandard2.0) (< portable-net45+win8+wpa81)) (&& (== netstandard2.0) (< portable-net451+win81+wpa81)) (&& (== netstandard2.0) (>= uap10.0))
      Microsoft.NETCore.Platforms (>= 1.1) - restriction: || (&& (== net46) (< net45)) (&& (== net46) (< portable-net45+win8+wp8+wpa81)) (&& (== net462) (< net45)) (&& (== net462) (< portable-net45+win8+wp8+wpa81)) (== netstandard1.6) (== netstandard2.0)
      Microsoft.NETCore.Targets (>= 1.1) - restriction: || (&& (== net46) (< net45)) (&& (== net46) (< portable-net45+win8+wp8+wpa81)) (&& (== net462) (< net45)) (&& (== net462) (< portable-net45+win8+wp8+wpa81)) (== netstandard1.6) (== netstandard2.0)
      System.Runtime (>= 4.3) - restriction: || (&& (== net46) (< net45)) (&& (== net46) (< portable-net45+win8+wp8+wpa81)) (&& (== net462) (< net45)) (&& (== net462) (< portable-net45+win8+wp8+wpa81)) (== netstandard1.6) (== netstandard2.0)
    System.Globalization.Calendars (4.3) - restriction: || (&& (== net46) (== netstandard2.0)) (&& (== net46) (< net45)) (&& (== net46) (< net452)) (&& (== net46) (>= uap10.0)) (&& (== net462) (== netstandard2.0)) (&& (== net462) (< net45)) (&& (== net462) (< net452) (< netstandard1.4)) (&& (== net462) (>= uap10.0)) (== netstandard1.6) (&& (== netstandard2.0) (< netstandard1.4)) (&& (== netstandard2.0) (< netstandard1.5)) (&& (== netstandard2.0) (< netstandard1.6)) (&& (== netstandard2.0) (>= uap10.0))
      Microsoft.NETCore.Platforms (>= 1.1) - restriction: || (&& (== net462) (< net46)) (== netstandard1.6) (== netstandard2.0)
      Microsoft.NETCore.Targets (>= 1.1) - restriction: || (&& (== net462) (< net46)) (== netstandard1.6) (== netstandard2.0)
      System.Globalization (>= 4.3) - restriction: || (&& (== net462) (< net46)) (== netstandard1.6) (== netstandard2.0)
      System.Runtime (>= 4.3) - restriction: || (&& (== net462) (< net46)) (== netstandard1.6) (== netstandard2.0)
    System.Globalization.Extensions (4.3) - restriction: || (&& (== net46) (== netstandard2.0)) (&& (== net46) (< net45) (>= netstandard1.6)) (&& (== net46) (>= netstandard1.6) (>= uap10.0)) (&& (== net462) (== netstandard2.0)) (&& (== net462) (< net45) (>= netstandard1.6)) (&& (== net462) (>= netstandard1.6) (>= uap10.0)) (== netstandard1.6) (&& (== netstandard2.0) (< netstandard1.3)) (&& (== netstandard2.0) (< netstandard1.4)) (&& (== netstandard2.0) (< netstandard1.5)) (&& (== netstandard2.0) (< netstandard1.6)) (&& (== netstandard2.0) (< portable-net451+win81+wpa81)) (&& (== netstandard2.0) (>= uap10.0))
      Microsoft.NETCore.Platforms (>= 1.1) - restriction: || (&& (== net462) (< net46)) (== netstandard1.6) (== netstandard2.0)
      System.Globalization (>= 4.3) - restriction: || (&& (== net462) (< net46)) (== netstandard1.6) (== netstandard2.0)
      System.Resources.ResourceManager (>= 4.3) - restriction: || (&& (== net462) (< net46)) (== netstandard1.6) (== netstandard2.0)
      System.Runtime (>= 4.3) - restriction: || (&& (== net462) (< net46)) (== netstandard1.6) (== netstandard2.0)
      System.Runtime.Extensions (>= 4.3) - restriction: || (&& (== net462) (< net46)) (== netstandard1.6) (== netstandard2.0)
      System.Runtime.InteropServices (>= 4.3) - restriction: || (&& (== net462) (< net46)) (== netstandard1.6) (== netstandard2.0)
    System.IO (4.3) - restriction: || (&& (== net46) (== netstandard2.0)) (&& (== net46) (< net45)) (&& (== net46) (< net452)) (&& (== net46) (< portable-net45+win8+wpa81)) (&& (== net46) (>= uap10.0)) (&& (== net462) (== netstandard2.0)) (&& (== net462) (< net45)) (&& (== net462) (< net452) (< netstandard1.4)) (&& (== net462) (< portable-net45+win8+wpa81)) (&& (== net462) (>= uap10.0)) (== netstandard1.6) (&& (== netstandard2.0) (< netstandard1.3)) (&& (== netstandard2.0) (< netstandard1.4)) (&& (== netstandard2.0) (< netstandard1.5)) (&& (== netstandard2.0) (< netstandard1.6)) (&& (== netstandard2.0) (< portable-net45+win8+wpa81)) (&& (== netstandard2.0) (< portable-net451+win81+wpa81)) (&& (== netstandard2.0) (>= uap10.0))
      Microsoft.NETCore.Platforms (>= 1.1) - restriction: || (&& (== net46) (< net45)) (&& (== net46) (< portable-net45+win8+wp8+wpa81)) (&& (== net462) (< net45)) (&& (== net462) (< portable-net45+win8+wp8+wpa81)) (== netstandard1.6) (== netstandard2.0)
      Microsoft.NETCore.Targets (>= 1.1) - restriction: || (&& (== net46) (< net45)) (&& (== net46) (< portable-net45+win8+wp8+wpa81)) (&& (== net462) (< net45)) (&& (== net462) (< portable-net45+win8+wp8+wpa81)) (== netstandard1.6) (== netstandard2.0)
      System.Runtime (>= 4.3) - restriction: || (&& (== net46) (< net45)) (&& (== net46) (< portable-net45+win8+wp8+wpa81)) (&& (== net462) (< net45)) (&& (== net462) (< portable-net45+win8+wp8+wpa81)) (== netstandard1.6) (== netstandard2.0)
      System.Text.Encoding (>= 4.3) - restriction: || (&& (== net46) (< net45)) (&& (== net46) (< portable-net45+win8+wp8+wpa81)) (&& (== net462) (< net45)) (&& (== net462) (< portable-net45+win8+wp8+wpa81)) (== netstandard1.6) (== netstandard2.0)
      System.Threading.Tasks (>= 4.3) - restriction: || (&& (== net46) (< net45)) (&& (== net46) (< portable-net45+win8+wp8+wpa81)) (&& (== net462) (< net45)) (&& (== net462) (< portable-net45+win8+wp8+wpa81)) (== netstandard1.6) (== netstandard2.0)
    System.IO.Compression (4.3) - restriction: || (&& (== net46) (== netstandard2.0)) (&& (== net46) (< net45)) (&& (== net46) (< net452)) (&& (== net46) (>= uap10.0)) (&& (== net462) (== netstandard2.0)) (&& (== net462) (< net45)) (&& (== net462) (< net452) (< netstandard1.4)) (&& (== net462) (>= uap10.0)) (== netstandard1.6) (&& (== netstandard2.0) (< netstandard1.3)) (&& (== netstandard2.0) (< netstandard1.4)) (&& (== netstandard2.0) (< netstandard1.5)) (&& (== netstandard2.0) (< netstandard1.6)) (&& (== netstandard2.0) (< portable-net451+win81+wpa81)) (&& (== netstandard2.0) (>= uap10.0))
      Microsoft.NETCore.Platforms (>= 1.1) - restriction: || (&& (== net46) (< net45)) (&& (== net462) (< net45)) (== netstandard1.6) (== netstandard2.0)
      runtime.native.System (>= 4.3) - restriction: || (&& (== net46) (< net45)) (&& (== net462) (< net45)) (== netstandard1.6) (== netstandard2.0)
      runtime.native.System.IO.Compression (>= 4.3) - restriction: || (&& (== net46) (< net45)) (&& (== net46) (< portable-net45+win8+wpa81)) (&& (== net462) (< net45)) (&& (== net462) (< portable-net45+win8+wpa81)) (== netstandard1.6) (== netstandard2.0)
      System.Buffers (>= 4.3) - restriction: || (&& (== net46) (< net45)) (&& (== net46) (< portable-net45+win8+wpa81)) (&& (== net462) (< net45)) (&& (== net462) (< portable-net45+win8+wpa81)) (== netstandard1.6) (== netstandard2.0)
      System.Collections (>= 4.3) - restriction: || (&& (== net46) (< net45)) (&& (== net46) (< portable-net45+win8+wpa81)) (&& (== net462) (< net45)) (&& (== net462) (< portable-net45+win8+wpa81)) (== netstandard1.6) (== netstandard2.0)
      System.Diagnostics.Debug (>= 4.3) - restriction: || (&& (== net46) (< net45)) (&& (== net46) (< portable-net45+win8+wpa81)) (&& (== net462) (< net45)) (&& (== net462) (< portable-net45+win8+wpa81)) (== netstandard1.6) (== netstandard2.0)
      System.IO (>= 4.3) - restriction: || (&& (== net46) (< net45)) (&& (== net46) (< portable-net45+win8+wpa81)) (&& (== net462) (< net45)) (&& (== net462) (< portable-net45+win8+wpa81)) (== netstandard1.6) (== netstandard2.0)
      System.Resources.ResourceManager (>= 4.3) - restriction: || (&& (== net46) (< net45)) (&& (== net46) (< portable-net45+win8+wpa81)) (&& (== net462) (< net45)) (&& (== net462) (< portable-net45+win8+wpa81)) (== netstandard1.6) (== netstandard2.0)
      System.Runtime (>= 4.3) - restriction: || (&& (== net46) (< net45)) (&& (== net46) (< portable-net45+win8+wpa81)) (&& (== net462) (< net45)) (&& (== net462) (< portable-net45+win8+wpa81)) (== netstandard1.6) (== netstandard2.0)
      System.Runtime.Extensions (>= 4.3) - restriction: || (&& (== net46) (< net45)) (&& (== net46) (< portable-net45+win8+wpa81)) (&& (== net462) (< net45)) (&& (== net462) (< portable-net45+win8+wpa81)) (== netstandard1.6) (== netstandard2.0)
      System.Runtime.Handles (>= 4.3) - restriction: || (&& (== net46) (< net45)) (&& (== net46) (< portable-net45+win8+wpa81)) (&& (== net462) (< net45)) (&& (== net462) (< portable-net45+win8+wpa81)) (== netstandard1.6) (== netstandard2.0)
      System.Runtime.InteropServices (>= 4.3) - restriction: || (&& (== net46) (< net45)) (&& (== net46) (< portable-net45+win8+wpa81)) (&& (== net462) (< net45)) (&& (== net462) (< portable-net45+win8+wpa81)) (== netstandard1.6) (== netstandard2.0)
      System.Text.Encoding (>= 4.3) - restriction: || (&& (== net46) (< net45)) (&& (== net46) (< portable-net45+win8+wpa81)) (&& (== net462) (< net45)) (&& (== net462) (< portable-net45+win8+wpa81)) (== netstandard1.6) (== netstandard2.0)
      System.Threading (>= 4.3) - restriction: || (&& (== net46) (< net45)) (&& (== net46) (< portable-net45+win8+wpa81)) (&& (== net462) (< net45)) (&& (== net462) (< portable-net45+win8+wpa81)) (== netstandard1.6) (== netstandard2.0)
      System.Threading.Tasks (>= 4.3) - restriction: || (&& (== net46) (< net45)) (&& (== net46) (< portable-net45+win8+wpa81)) (&& (== net462) (< net45)) (&& (== net462) (< portable-net45+win8+wpa81)) (== netstandard1.6) (== netstandard2.0)
    System.IO.Compression.ZipFile (4.3) - restriction: || (&& (== net46) (== netstandard2.0)) (&& (== net46) (< net45)) (&& (== net46) (< net452)) (&& (== net46) (>= uap10.0)) (&& (== net462) (== netstandard2.0)) (&& (== net462) (< net45)) (&& (== net462) (< net452) (< netstandard1.4)) (&& (== net462) (>= uap10.0)) (== netstandard1.6) (&& (== netstandard2.0) (< netstandard1.4)) (&& (== netstandard2.0) (< netstandard1.5)) (&& (== netstandard2.0) (< netstandard1.6)) (&& (== netstandard2.0) (>= uap10.0))
      System.Buffers (>= 4.3) - restriction: || (&& (== net462) (< net46)) (== netstandard1.6) (== netstandard2.0)
      System.IO (>= 4.3) - restriction: || (&& (== net462) (< net46)) (== netstandard1.6) (== netstandard2.0)
      System.IO.Compression (>= 4.3) - restriction: || (&& (== net462) (< net46)) (== netstandard1.6) (== netstandard2.0)
      System.IO.FileSystem (>= 4.3) - restriction: || (&& (== net462) (< net46)) (== netstandard1.6) (== netstandard2.0)
      System.IO.FileSystem.Primitives (>= 4.3) - restriction: || (&& (== net462) (< net46)) (== netstandard1.6) (== netstandard2.0)
      System.Resources.ResourceManager (>= 4.3) - restriction: || (&& (== net462) (< net46)) (== netstandard1.6) (== netstandard2.0)
      System.Runtime (>= 4.3) - restriction: || (&& (== net462) (< net46)) (== netstandard1.6) (== netstandard2.0)
      System.Runtime.Extensions (>= 4.3) - restriction: || (&& (== net462) (< net46)) (== netstandard1.6) (== netstandard2.0)
      System.Text.Encoding (>= 4.3) - restriction: || (&& (== net462) (< net46)) (== netstandard1.6) (== netstandard2.0)
    System.IO.FileSystem (4.3) - restriction: || (&& (== net46) (== netstandard2.0)) (&& (== net46) (< net45)) (&& (== net46) (< net452)) (&& (== net46) (>= uap10.0)) (&& (== net462) (== netstandard2.0)) (&& (== net462) (< net45)) (&& (== net462) (< net452) (< netstandard1.4)) (&& (== net462) (>= uap10.0)) (== netstandard1.6) (&& (== netstandard2.0) (< netstandard1.3)) (&& (== netstandard2.0) (< netstandard1.4)) (&& (== netstandard2.0) (< netstandard1.5)) (&& (== netstandard2.0) (< netstandard1.6)) (&& (== netstandard2.0) (< portable-net451+win81+wpa81)) (&& (== netstandard2.0) (>= uap10.0))
      Microsoft.NETCore.Platforms (>= 1.1) - restriction: || (&& (== net462) (< net46)) (== netstandard1.6) (== netstandard2.0)
      Microsoft.NETCore.Targets (>= 1.1) - restriction: || (&& (== net462) (< net46)) (== netstandard1.6) (== netstandard2.0)
      System.IO (>= 4.3) - restriction: || (&& (== net462) (< net46)) (== netstandard1.6) (== netstandard2.0)
      System.IO.FileSystem.Primitives (>= 4.3)
      System.Runtime (>= 4.3) - restriction: || (&& (== net462) (< net46)) (== netstandard1.6) (== netstandard2.0)
      System.Runtime.Handles (>= 4.3) - restriction: || (&& (== net462) (< net46)) (== netstandard1.6) (== netstandard2.0)
      System.Text.Encoding (>= 4.3) - restriction: || (&& (== net462) (< net46)) (== netstandard1.6) (== netstandard2.0)
      System.Threading.Tasks (>= 4.3) - restriction: || (&& (== net462) (< net46)) (== netstandard1.6) (== netstandard2.0)
    System.IO.FileSystem.Primitives (4.3) - restriction: || (&& (== net46) (== netstandard2.0)) (&& (== net46) (< net45)) (&& (== net46) (< net452)) (&& (== net46) (>= uap10.0)) (&& (== net462) (== netstandard2.0)) (&& (== net462) (< net45)) (&& (== net462) (< net452) (< netstandard1.4)) (&& (== net462) (>= uap10.0)) (== netstandard1.6) (&& (== netstandard2.0) (< netstandard1.4)) (&& (== netstandard2.0) (< netstandard1.5)) (&& (== netstandard2.0) (< netstandard1.6)) (&& (== netstandard2.0) (>= uap10.0))
      System.Runtime (>= 4.3) - restriction: || (&& (== net462) (< net46)) (== netstandard1.6) (== netstandard2.0)
    System.Linq (4.3) - restriction: || (&& (== net46) (== netstandard2.0)) (&& (== net46) (< net45)) (&& (== net46) (< portable-net45+win8+wpa81)) (&& (== net46) (>= uap10.0)) (&& (== net462) (== netstandard2.0)) (&& (== net462) (< net45)) (&& (== net462) (< portable-net45+win8+wpa81)) (&& (== net462) (>= uap10.0)) (== netstandard1.6) (&& (== netstandard2.0) (< netstandard1.3)) (&& (== netstandard2.0) (< netstandard1.4)) (&& (== netstandard2.0) (< netstandard1.5)) (&& (== netstandard2.0) (< netstandard1.6)) (&& (== netstandard2.0) (< portable-net45+win8+wpa81)) (&& (== netstandard2.0) (< portable-net451+win81+wpa81)) (&& (== netstandard2.0) (>= uap10.0))
      System.Collections (>= 4.3) - restriction: || (&& (== net46) (< net45)) (&& (== net46) (< portable-net45+win8+wp8+wpa81)) (&& (== net462) (< net45)) (&& (== net462) (< portable-net45+win8+wp8+wpa81)) (== netstandard1.6) (== netstandard2.0)
      System.Diagnostics.Debug (>= 4.3) - restriction: || (&& (== net46) (< net45) (>= netstandard1.6)) (&& (== net46) (< portable-net45+win8+wp8+wpa81)) (&& (== net462) (< net45) (>= netstandard1.6)) (&& (== net462) (< portable-net45+win8+wp8+wpa81)) (== netstandard1.6) (== netstandard2.0)
      System.Resources.ResourceManager (>= 4.3) - restriction: || (&& (== net46) (< net45) (>= netstandard1.6)) (&& (== net46) (< portable-net45+win8+wp8+wpa81)) (&& (== net462) (< net45) (>= netstandard1.6)) (&& (== net462) (< portable-net45+win8+wp8+wpa81)) (== netstandard1.6) (== netstandard2.0)
      System.Runtime (>= 4.3) - restriction: || (&& (== net46) (< net45)) (&& (== net46) (< portable-net45+win8+wp8+wpa81)) (&& (== net462) (< net45)) (&& (== net462) (< portable-net45+win8+wp8+wpa81)) (== netstandard1.6) (== netstandard2.0)
      System.Runtime.Extensions (>= 4.3) - restriction: || (&& (== net46) (< net45) (>= netstandard1.6)) (&& (== net46) (< portable-net45+win8+wp8+wpa81)) (&& (== net462) (< net45) (>= netstandard1.6)) (&& (== net462) (< portable-net45+win8+wp8+wpa81)) (== netstandard1.6) (== netstandard2.0)
    System.Linq.Expressions (4.3) - restriction: || (&& (== net46) (== netstandard2.0)) (&& (== net46) (< net45)) (&& (== net46) (< portable-net45+win8+wpa81)) (&& (== net46) (>= uap10.0)) (&& (== net462) (== netstandard2.0)) (&& (== net462) (< net45)) (&& (== net462) (< portable-net45+win8+wpa81)) (&& (== net462) (>= uap10.0)) (== netstandard1.6) (&& (== netstandard2.0) (< netstandard1.3)) (&& (== netstandard2.0) (< netstandard1.4)) (&& (== netstandard2.0) (< netstandard1.5)) (&& (== netstandard2.0) (< netstandard1.6)) (&& (== netstandard2.0) (< portable-net45+win8+wpa81)) (&& (== netstandard2.0) (< portable-net451+win81+wpa81)) (&& (== netstandard2.0) (>= uap10.0))
      System.Collections (>= 4.3) - restriction: || (&& (== net46) (< net45) (>= netstandard1.6)) (&& (== net46) (< portable-net45+win8+wp8+wpa81)) (&& (== net462) (< net45) (>= netstandard1.6)) (&& (== net462) (< portable-net45+win8+wp8+wpa81)) (== netstandard1.6) (== netstandard2.0)
      System.Diagnostics.Debug (>= 4.3) - restriction: || (&& (== net46) (< net45) (>= netstandard1.6)) (&& (== net46) (< portable-net45+win8+wp8+wpa81)) (&& (== net462) (< net45) (>= netstandard1.6)) (&& (== net462) (< portable-net45+win8+wp8+wpa81)) (== netstandard1.6) (== netstandard2.0)
      System.Globalization (>= 4.3) - restriction: || (&& (== net46) (< net45) (>= netstandard1.6)) (&& (== net46) (< portable-net45+win8+wp8+wpa81)) (&& (== net462) (< net45) (>= netstandard1.6)) (&& (== net462) (< portable-net45+win8+wp8+wpa81)) (== netstandard1.6) (== netstandard2.0)
      System.IO (>= 4.3) - restriction: || (&& (== net46) (< net45) (>= netstandard1.6)) (&& (== net46) (< portable-net45+win8+wp8+wpa81)) (&& (== net462) (< net45) (>= netstandard1.6)) (&& (== net462) (< portable-net45+win8+wp8+wpa81)) (== netstandard1.6) (== netstandard2.0)
      System.Linq (>= 4.3) - restriction: || (&& (== net46) (< net45) (>= netstandard1.6)) (&& (== net46) (< portable-net45+win8+wp8+wpa81)) (&& (== net462) (< net45) (>= netstandard1.6)) (&& (== net462) (< portable-net45+win8+wp8+wpa81)) (== netstandard1.6) (== netstandard2.0)
      System.ObjectModel (>= 4.3) - restriction: || (&& (== net46) (< net45) (>= netstandard1.6)) (&& (== net462) (< net45) (>= netstandard1.6)) (== netstandard1.6) (== netstandard2.0)
      System.Reflection (>= 4.3) - restriction: || (&& (== net46) (< net45)) (&& (== net46) (< portable-net45+win8+wp8+wpa81)) (&& (== net462) (< net45)) (&& (== net462) (< portable-net45+win8+wp8+wpa81)) (== netstandard1.6) (== netstandard2.0)
      System.Reflection.Emit (>= 4.3) - restriction: || (&& (== net46) (< net45) (>= netstandard1.6)) (&& (== net462) (< net45) (>= netstandard1.6)) (== netstandard1.6) (== netstandard2.0)
      System.Reflection.Emit.ILGeneration (>= 4.3) - restriction: || (&& (== net46) (< net45) (>= netstandard1.6)) (&& (== net46) (< portable-net45+win8+wp8+wpa81)) (&& (== net462) (< net45) (>= netstandard1.6)) (&& (== net462) (< portable-net45+win8+wp8+wpa81)) (== netstandard1.6) (== netstandard2.0)
      System.Reflection.Emit.Lightweight (>= 4.3) - restriction: || (&& (== net46) (< net45) (>= netstandard1.6)) (&& (== net46) (< portable-net45+win8+wp8+wpa81)) (&& (== net462) (< net45) (>= netstandard1.6)) (&& (== net462) (< portable-net45+win8+wp8+wpa81)) (== netstandard1.6) (== netstandard2.0)
      System.Reflection.Extensions (>= 4.3) - restriction: || (&& (== net46) (< net45) (>= netstandard1.6)) (&& (== net46) (< portable-net45+win8+wp8+wpa81)) (&& (== net462) (< net45) (>= netstandard1.6)) (&& (== net462) (< portable-net45+win8+wp8+wpa81)) (== netstandard1.6) (== netstandard2.0)
      System.Reflection.Primitives (>= 4.3) - restriction: || (&& (== net46) (< net45) (>= netstandard1.6)) (&& (== net46) (< portable-net45+win8+wp8+wpa81)) (&& (== net462) (< net45) (>= netstandard1.6)) (&& (== net462) (< portable-net45+win8+wp8+wpa81)) (== netstandard1.6) (== netstandard2.0)
      System.Reflection.TypeExtensions (>= 4.3) - restriction: || (&& (== net46) (< net45) (>= netstandard1.6)) (&& (== net46) (< portable-net45+win8+wp8+wpa81)) (&& (== net462) (< net45) (>= netstandard1.6)) (&& (== net462) (< portable-net45+win8+wp8+wpa81)) (== netstandard1.6) (== netstandard2.0)
      System.Resources.ResourceManager (>= 4.3) - restriction: || (&& (== net46) (< net45) (>= netstandard1.6)) (&& (== net46) (< portable-net45+win8+wp8+wpa81)) (&& (== net462) (< net45) (>= netstandard1.6)) (&& (== net462) (< portable-net45+win8+wp8+wpa81)) (== netstandard1.6) (== netstandard2.0)
      System.Runtime (>= 4.3) - restriction: || (&& (== net46) (< net45)) (&& (== net46) (< portable-net45+win8+wp8+wpa81)) (&& (== net462) (< net45)) (&& (== net462) (< portable-net45+win8+wp8+wpa81)) (== netstandard1.6) (== netstandard2.0)
      System.Runtime.Extensions (>= 4.3) - restriction: || (&& (== net46) (< net45) (>= netstandard1.6)) (&& (== net46) (< portable-net45+win8+wp8+wpa81)) (&& (== net462) (< net45) (>= netstandard1.6)) (&& (== net462) (< portable-net45+win8+wp8+wpa81)) (== netstandard1.6) (== netstandard2.0)
      System.Threading (>= 4.3) - restriction: || (&& (== net46) (< net45) (>= netstandard1.6)) (&& (== net46) (< portable-net45+win8+wp8+wpa81)) (&& (== net462) (< net45) (>= netstandard1.6)) (&& (== net462) (< portable-net45+win8+wp8+wpa81)) (== netstandard1.6) (== netstandard2.0)
    System.Net.Http (4.3.3) - restriction: || (&& (== net46) (== netstandard2.0)) (&& (== net46) (< net45)) (&& (== net46) (< net452)) (&& (== net46) (>= uap10.0)) (&& (== net462) (== netstandard2.0)) (&& (== net462) (< net45)) (&& (== net462) (< net452) (< netstandard1.4)) (&& (== net462) (>= uap10.0)) (== netstandard1.6) (&& (== netstandard2.0) (< netstandard1.3)) (&& (== netstandard2.0) (< netstandard1.4)) (&& (== netstandard2.0) (< netstandard1.5)) (&& (== netstandard2.0) (< netstandard1.6)) (&& (== netstandard2.0) (< portable-net451+win81+wpa81)) (&& (== netstandard2.0) (>= uap10.0))
      Microsoft.NETCore.Platforms (>= 1.1) - restriction: || (&& (== net46) (< net45)) (&& (== net46) (< portable-net45+win8+wpa81)) (&& (== net462) (< net45)) (&& (== net462) (< portable-net45+win8+wpa81)) (== netstandard1.6) (== netstandard2.0)
      runtime.native.System (>= 4.3) - restriction: || (&& (== net46) (< net45) (>= netstandard1.6)) (&& (== net462) (< net45) (>= netstandard1.6)) (== netstandard1.6) (== netstandard2.0)
      runtime.native.System.Net.Http (>= 4.3) - restriction: || (&& (== net46) (< net45) (>= netstandard1.6)) (&& (== net462) (< net45) (>= netstandard1.6)) (== netstandard1.6) (== netstandard2.0)
      runtime.native.System.Security.Cryptography.OpenSsl (>= 4.3.2) - restriction: || (&& (== net46) (< net45) (>= netstandard1.6)) (&& (== net462) (< net45) (>= netstandard1.6)) (== netstandard1.6) (== netstandard2.0)
      System.Collections (>= 4.3) - restriction: || (&& (== net46) (< net45)) (&& (== net46) (< portable-net45+win8+wpa81)) (&& (== net462) (< net45)) (&& (== net462) (< portable-net45+win8+wpa81)) (== netstandard1.6) (== netstandard2.0)
      System.Diagnostics.Debug (>= 4.3) - restriction: || (&& (== net46) (< net45)) (&& (== net46) (< portable-net45+win8+wpa81)) (&& (== net462) (< net45)) (&& (== net462) (< portable-net45+win8+wpa81)) (== netstandard1.6) (== netstandard2.0)
      System.Diagnostics.DiagnosticSource (>= 4.3) - restriction: || (&& (== net46) (< net45)) (&& (== net46) (< portable-net45+win8+wpa81)) (&& (== net462) (< net45)) (&& (== net462) (< portable-net45+win8+wpa81)) (== netstandard1.6) (== netstandard2.0)
      System.Diagnostics.Tracing (>= 4.3) - restriction: || (&& (== net46) (< net45)) (&& (== net46) (< portable-net45+win8+wpa81)) (&& (== net462) (< net45)) (&& (== net462) (< portable-net45+win8+wpa81)) (== netstandard1.6) (== netstandard2.0)
      System.Globalization (>= 4.3) - restriction: || (&& (== net46) (< net45)) (&& (== net46) (< portable-net45+win8+wpa81)) (&& (== net462) (< net45)) (&& (== net462) (< portable-net45+win8+wpa81)) (== netstandard1.6) (== netstandard2.0)
      System.Globalization.Extensions (>= 4.3) - restriction: || (&& (== net46) (< net45) (>= netstandard1.6)) (&& (== net462) (< net45) (>= netstandard1.6)) (== netstandard1.6) (== netstandard2.0)
      System.IO (>= 4.3) - restriction: || (&& (== net46) (< net45)) (&& (== net46) (< portable-net45+win8+wpa81)) (&& (== net462) (< net45)) (&& (== net462) (< portable-net45+win8+wpa81)) (== netstandard1.6) (== netstandard2.0)
      System.IO.FileSystem (>= 4.3) - restriction: || (&& (== net46) (< net45) (>= netstandard1.6)) (&& (== net462) (< net45) (>= netstandard1.6)) (== netstandard1.6) (== netstandard2.0)
      System.Net.Primitives (>= 4.3) - restriction: || (&& (== net46) (< net45)) (&& (== net46) (< portable-net45+win8+wpa81)) (&& (== net462) (< net45)) (&& (== net462) (< portable-net45+win8+wpa81)) (== netstandard1.6) (== netstandard2.0)
      System.Resources.ResourceManager (>= 4.3) - restriction: || (&& (== net46) (< net45)) (&& (== net46) (< portable-net45+win8+wpa81)) (&& (== net462) (< net45)) (&& (== net462) (< portable-net45+win8+wpa81)) (== netstandard1.6) (== netstandard2.0)
      System.Runtime (>= 4.3) - restriction: || (&& (== net46) (< net45)) (&& (== net46) (< portable-net45+win8+wpa81)) (&& (== net462) (< net45)) (&& (== net462) (< portable-net45+win8+wpa81)) (== netstandard1.6) (== netstandard2.0)
      System.Runtime.Extensions (>= 4.3) - restriction: || (&& (== net46) (< net45)) (&& (== net46) (< portable-net45+win8+wpa81)) (&& (== net462) (< net45)) (&& (== net462) (< portable-net45+win8+wpa81)) (== netstandard1.6) (== netstandard2.0)
      System.Runtime.Handles (>= 4.3) - restriction: || (&& (== net46) (< net45)) (&& (== net462) (< net45)) (== netstandard1.6) (== netstandard2.0)
      System.Runtime.InteropServices (>= 4.3) - restriction: || (&& (== net46) (< net45)) (&& (== net46) (< portable-net45+win8+wpa81)) (&& (== net462) (< net45)) (&& (== net462) (< portable-net45+win8+wpa81)) (== netstandard1.6) (== netstandard2.0)
      System.Security.Cryptography.Algorithms (>= 4.3) - restriction: || (&& (== net46) (< net45) (>= netstandard1.6)) (&& (== net462) (< net45) (>= netstandard1.6)) (== netstandard1.6) (== netstandard2.0)
      System.Security.Cryptography.Encoding (>= 4.3) - restriction: || (&& (== net46) (< net45)) (&& (== net462) (< net45)) (== netstandard1.6) (== netstandard2.0)
      System.Security.Cryptography.OpenSsl (>= 4.3) - restriction: || (&& (== net46) (< net45) (>= netstandard1.6)) (&& (== net462) (< net45) (>= netstandard1.6)) (== netstandard1.6) (== netstandard2.0)
      System.Security.Cryptography.Primitives (>= 4.3) - restriction: || (&& (== net46) (< net45) (>= netstandard1.6)) (&& (== net462) (< net45) (>= netstandard1.6)) (== netstandard1.6) (== netstandard2.0)
      System.Security.Cryptography.X509Certificates (>= 4.3)
      System.Text.Encoding (>= 4.3) - restriction: || (&& (== net46) (< net45)) (&& (== net46) (< portable-net45+win8+wpa81)) (&& (== net462) (< net45)) (&& (== net462) (< portable-net45+win8+wpa81)) (== netstandard1.6) (== netstandard2.0)
      System.Threading (>= 4.3) - restriction: || (&& (== net46) (< net45)) (&& (== net46) (< portable-net45+win8+wpa81)) (&& (== net462) (< net45)) (&& (== net462) (< portable-net45+win8+wpa81)) (== netstandard1.6) (== netstandard2.0)
      System.Threading.Tasks (>= 4.3) - restriction: || (&& (== net46) (< net45)) (&& (== net46) (< portable-net45+win8+wpa81)) (&& (== net462) (< net45)) (&& (== net462) (< portable-net45+win8+wpa81)) (== netstandard1.6) (== netstandard2.0)
    System.Net.Primitives (4.3) - restriction: || (&& (== net46) (== netstandard2.0)) (&& (== net46) (< net45)) (&& (== net46) (< portable-net45+win8+wpa81)) (&& (== net46) (>= uap10.0)) (&& (== net462) (== netstandard2.0)) (&& (== net462) (< net45)) (&& (== net462) (< portable-net45+win8+wpa81)) (&& (== net462) (>= uap10.0)) (== netstandard1.6) (&& (== netstandard2.0) (< netstandard1.3)) (&& (== netstandard2.0) (< netstandard1.4)) (&& (== netstandard2.0) (< netstandard1.5)) (&& (== netstandard2.0) (< netstandard1.6)) (&& (== netstandard2.0) (< portable-net45+win8+wpa81)) (&& (== netstandard2.0) (< portable-net451+win81+wpa81)) (&& (== netstandard2.0) (>= uap10.0))
      Microsoft.NETCore.Platforms (>= 1.1) - restriction: || (&& (== net46) (< net45)) (&& (== net46) (< netstandard1.1)) (&& (== net46) (< portable-net45+win8+wp8+wpa81)) (&& (== net462) (< net45)) (&& (== net462) (< netstandard1.1)) (&& (== net462) (< portable-net45+win8+wp8+wpa81)) (== netstandard1.6) (== netstandard2.0)
      Microsoft.NETCore.Targets (>= 1.1) - restriction: || (&& (== net46) (< net45)) (&& (== net46) (< netstandard1.1)) (&& (== net46) (< portable-net45+win8+wp8+wpa81)) (&& (== net462) (< net45)) (&& (== net462) (< netstandard1.1)) (&& (== net462) (< portable-net45+win8+wp8+wpa81)) (== netstandard1.6) (== netstandard2.0)
      System.Runtime (>= 4.3) - restriction: || (&& (== net46) (< net45)) (&& (== net46) (< netstandard1.1)) (&& (== net46) (< portable-net45+win8+wp8+wpa81)) (&& (== net462) (< net45)) (&& (== net462) (< netstandard1.1)) (&& (== net462) (< portable-net45+win8+wp8+wpa81)) (== netstandard1.6) (== netstandard2.0)
      System.Runtime.Handles (>= 4.3) - restriction: || (&& (== net46) (< net45)) (&& (== net46) (< portable-net45+win8+wp8+wpa81)) (&& (== net462) (< net45)) (&& (== net462) (< portable-net45+win8+wp8+wpa81)) (== netstandard1.6) (== netstandard2.0)
    System.Net.Sockets (4.3) - restriction: || (&& (== net46) (== netstandard2.0)) (&& (== net46) (< net45)) (&& (== net46) (< net452)) (&& (== net46) (>= uap10.0)) (&& (== net462) (== netstandard2.0)) (&& (== net462) (< net45)) (&& (== net462) (< net452) (< netstandard1.4)) (&& (== net462) (>= uap10.0)) (== netstandard1.6) (&& (== netstandard2.0) (< netstandard1.4)) (&& (== netstandard2.0) (< netstandard1.5)) (&& (== netstandard2.0) (< netstandard1.6)) (&& (== netstandard2.0) (>= uap10.0))
      Microsoft.NETCore.Platforms (>= 1.1) - restriction: || (&& (== net462) (< net46)) (== netstandard1.6) (== netstandard2.0)
      Microsoft.NETCore.Targets (>= 1.1) - restriction: || (&& (== net462) (< net46)) (== netstandard1.6) (== netstandard2.0)
      System.IO (>= 4.3) - restriction: || (&& (== net462) (< net46)) (== netstandard1.6) (== netstandard2.0)
      System.Net.Primitives (>= 4.3) - restriction: || (&& (== net462) (< net46)) (== netstandard1.6) (== netstandard2.0)
      System.Runtime (>= 4.3) - restriction: || (&& (== net462) (< net46)) (== netstandard1.6) (== netstandard2.0)
      System.Threading.Tasks (>= 4.3) - restriction: || (&& (== net462) (< net46)) (== netstandard1.6) (== netstandard2.0)
    System.ObjectModel (4.3) - restriction: || (&& (== net46) (== netstandard2.0)) (&& (== net46) (< net45)) (&& (== net46) (< portable-net45+win8+wpa81)) (&& (== net46) (>= uap10.0)) (&& (== net462) (== netstandard2.0)) (&& (== net462) (< net45)) (&& (== net462) (< portable-net45+win8+wpa81)) (&& (== net462) (>= uap10.0)) (== netstandard1.6) (&& (== netstandard2.0) (< netstandard1.3)) (&& (== netstandard2.0) (< netstandard1.4)) (&& (== netstandard2.0) (< netstandard1.5)) (&& (== netstandard2.0) (< netstandard1.6)) (&& (== netstandard2.0) (< portable-net45+win8+wpa81)) (&& (== netstandard2.0) (< portable-net451+win81+wpa81)) (&& (== netstandard2.0) (>= uap10.0))
      System.Collections (>= 4.3) - restriction: || (&& (== net46) (< net45)) (&& (== net46) (< portable-net45+win8+wp8+wpa81)) (&& (== net462) (< net45)) (&& (== net462) (< portable-net45+win8+wp8+wpa81)) (== netstandard1.6) (== netstandard2.0)
      System.Diagnostics.Debug (>= 4.3) - restriction: || (&& (== net46) (< net45)) (&& (== net46) (< portable-net45+win8+wp8+wpa81)) (&& (== net462) (< net45)) (&& (== net462) (< portable-net45+win8+wp8+wpa81)) (== netstandard1.6) (== netstandard2.0)
      System.Resources.ResourceManager (>= 4.3) - restriction: || (&& (== net46) (< net45)) (&& (== net46) (< portable-net45+win8+wp8+wpa81)) (&& (== net462) (< net45)) (&& (== net462) (< portable-net45+win8+wp8+wpa81)) (== netstandard1.6) (== netstandard2.0)
      System.Runtime (>= 4.3) - restriction: || (&& (== net46) (< net45)) (&& (== net46) (< portable-net45+win8+wp8+wpa81)) (&& (== net462) (< net45)) (&& (== net462) (< portable-net45+win8+wp8+wpa81)) (== netstandard1.6) (== netstandard2.0)
      System.Threading (>= 4.3) - restriction: || (&& (== net46) (< net45)) (&& (== net46) (< portable-net45+win8+wp8+wpa81)) (&& (== net462) (< net45)) (&& (== net462) (< portable-net45+win8+wp8+wpa81)) (== netstandard1.6) (== netstandard2.0)
    System.Reflection (4.3) - restriction: || (&& (== net46) (== netstandard2.0)) (&& (== net46) (< net45)) (&& (== net46) (< portable-net45+win8+wp8+wpa81)) (&& (== net46) (< portable-net45+win8+wpa81)) (&& (== net46) (>= uap10.0)) (&& (== net462) (== netstandard2.0)) (&& (== net462) (< net45)) (&& (== net462) (< portable-net45+win8+wp8+wpa81)) (&& (== net462) (< portable-net45+win8+wpa81)) (&& (== net462) (>= uap10.0)) (== netstandard1.6) (&& (== netstandard2.0) (< netstandard1.3)) (&& (== netstandard2.0) (< netstandard1.4)) (&& (== netstandard2.0) (< netstandard1.5)) (&& (== netstandard2.0) (< netstandard1.6)) (&& (== netstandard2.0) (< portable-net45+win8+wp8+wpa81)) (&& (== netstandard2.0) (< portable-net45+win8+wpa81)) (&& (== netstandard2.0) (< portable-net451+win81+wpa81)) (&& (== netstandard2.0) (>= uap10.0))
      Microsoft.NETCore.Platforms (>= 1.1) - restriction: || (&& (== net46) (< net45)) (&& (== net46) (< portable-net45+win8+wp8+wpa81)) (&& (== net462) (< net45)) (&& (== net462) (< portable-net45+win8+wp8+wpa81)) (== netstandard1.6) (== netstandard2.0)
      Microsoft.NETCore.Targets (>= 1.1) - restriction: || (&& (== net46) (< net45)) (&& (== net46) (< portable-net45+win8+wp8+wpa81)) (&& (== net462) (< net45)) (&& (== net462) (< portable-net45+win8+wp8+wpa81)) (== netstandard1.6) (== netstandard2.0)
      System.IO (>= 4.3) - restriction: || (&& (== net46) (< net45)) (&& (== net46) (< portable-net45+win8+wp8+wpa81)) (&& (== net462) (< net45)) (&& (== net462) (< portable-net45+win8+wp8+wpa81)) (== netstandard1.6) (== netstandard2.0)
      System.Reflection.Primitives (>= 4.3) - restriction: || (&& (== net46) (< net45)) (&& (== net46) (< portable-net45+win8+wp8+wpa81)) (&& (== net462) (< net45)) (&& (== net462) (< portable-net45+win8+wp8+wpa81)) (== netstandard1.6) (== netstandard2.0)
      System.Runtime (>= 4.3) - restriction: || (&& (== net46) (< net45)) (&& (== net46) (< portable-net45+win8+wp8+wpa81)) (&& (== net462) (< net45)) (&& (== net462) (< portable-net45+win8+wp8+wpa81)) (== netstandard1.6) (== netstandard2.0)
    System.Reflection.Emit (4.3) - restriction: || (&& (== net46) (== netstandard2.0)) (&& (== net46) (< net45) (>= netstandard1.6)) (&& (== net46) (>= netstandard1.6) (< portable-net45+win8+wpa81)) (&& (== net46) (>= netstandard1.6) (>= uap10.0)) (&& (== net462) (== netstandard2.0)) (&& (== net462) (< net45) (>= netstandard1.6)) (&& (== net462) (>= netstandard1.6) (< portable-net45+win8+wpa81)) (&& (== net462) (>= netstandard1.6) (>= uap10.0)) (== netstandard1.6) (&& (== netstandard2.0) (< netstandard1.3)) (&& (== netstandard2.0) (< netstandard1.4)) (&& (== netstandard2.0) (< netstandard1.5)) (&& (== netstandard2.0) (< netstandard1.6)) (&& (== netstandard2.0) (< portable-net45+win8+wpa81)) (&& (== netstandard2.0) (< portable-net451+win81+wpa81)) (&& (== netstandard2.0) (>= uap10.0))
      System.IO (>= 4.3) - restriction: || (&& (== net46) (< net45)) (&& (== net462) (< net45)) (== netstandard1.6) (== netstandard2.0)
      System.Reflection (>= 4.3) - restriction: || (&& (== net46) (< net45)) (&& (== net462) (< net45)) (== netstandard1.6) (== netstandard2.0)
      System.Reflection.Emit.ILGeneration (>= 4.3) - restriction: || (&& (== net46) (< net45)) (&& (== net462) (< net45)) (== netstandard1.6) (== netstandard2.0)
      System.Reflection.Primitives (>= 4.3) - restriction: || (&& (== net46) (< net45)) (&& (== net462) (< net45)) (== netstandard1.6) (== netstandard2.0)
      System.Runtime (>= 4.3) - restriction: || (&& (== net46) (< net45)) (&& (== net462) (< net45)) (== netstandard1.6) (== netstandard2.0)
    System.Reflection.Emit.ILGeneration (4.3) - restriction: || (&& (== net46) (== netstandard2.0)) (&& (== net46) (< net45) (>= netstandard1.6)) (&& (== net46) (>= netstandard1.6) (< portable-net45+win8+wpa81)) (&& (== net46) (>= netstandard1.6) (>= uap10.0)) (&& (== net46) (< portable-net45+win8+wp8+wpa81)) (&& (== net462) (== netstandard2.0)) (&& (== net462) (< net45) (>= netstandard1.6)) (&& (== net462) (>= netstandard1.6) (< portable-net45+win8+wpa81)) (&& (== net462) (>= netstandard1.6) (>= uap10.0)) (&& (== net462) (< portable-net45+win8+wp8+wpa81)) (== netstandard1.6) (&& (== netstandard2.0) (< netstandard1.3)) (&& (== netstandard2.0) (< netstandard1.4)) (&& (== netstandard2.0) (< netstandard1.5)) (&& (== netstandard2.0) (< netstandard1.6)) (&& (== netstandard2.0) (< portable-net45+win8+wp8+wpa81)) (&& (== netstandard2.0) (< portable-net45+win8+wpa81)) (&& (== netstandard2.0) (< portable-net451+win81+wpa81)) (&& (== netstandard2.0) (>= uap10.0))
      System.Reflection (>= 4.3) - restriction: || (&& (== net46) (< net45)) (&& (== net462) (< net45)) (== netstandard1.6) (== netstandard2.0)
      System.Reflection.Primitives (>= 4.3) - restriction: || (&& (== net46) (< net45)) (&& (== net462) (< net45)) (== netstandard1.6) (== netstandard2.0)
      System.Runtime (>= 4.3) - restriction: || (&& (== net46) (< net45)) (&& (== net462) (< net45)) (== netstandard1.6) (== netstandard2.0)
    System.Reflection.Emit.Lightweight (4.3) - restriction: || (&& (== net46) (== netstandard2.0)) (&& (== net46) (< net45) (>= netstandard1.6)) (&& (== net46) (>= netstandard1.6) (< portable-net45+win8+wpa81)) (&& (== net46) (>= netstandard1.6) (>= uap10.0)) (&& (== net46) (< portable-net45+win8+wp8+wpa81)) (&& (== net462) (== netstandard2.0)) (&& (== net462) (< net45) (>= netstandard1.6)) (&& (== net462) (>= netstandard1.6) (< portable-net45+win8+wpa81)) (&& (== net462) (>= netstandard1.6) (>= uap10.0)) (&& (== net462) (< portable-net45+win8+wp8+wpa81)) (== netstandard1.6) (&& (== netstandard2.0) (< netstandard1.3)) (&& (== netstandard2.0) (< netstandard1.4)) (&& (== netstandard2.0) (< netstandard1.5)) (&& (== netstandard2.0) (< netstandard1.6)) (&& (== netstandard2.0) (< portable-net45+win8+wp8+wpa81)) (&& (== netstandard2.0) (< portable-net45+win8+wpa81)) (&& (== netstandard2.0) (< portable-net451+win81+wpa81)) (&& (== netstandard2.0) (>= uap10.0))
      System.Reflection (>= 4.3) - restriction: || (&& (== net46) (< net45)) (&& (== net462) (< net45)) (== netstandard1.6) (== netstandard2.0)
      System.Reflection.Emit.ILGeneration (>= 4.3) - restriction: || (&& (== net46) (< net45)) (&& (== net462) (< net45)) (== netstandard1.6) (== netstandard2.0)
      System.Reflection.Primitives (>= 4.3) - restriction: || (&& (== net46) (< net45)) (&& (== net462) (< net45)) (== netstandard1.6) (== netstandard2.0)
      System.Runtime (>= 4.3) - restriction: || (&& (== net46) (< net45)) (&& (== net462) (< net45)) (== netstandard1.6) (== netstandard2.0)
    System.Reflection.Extensions (4.3) - restriction: || (&& (== net46) (== netstandard2.0)) (&& (== net46) (< net45)) (&& (== net46) (< portable-net45+win8+wp8+wpa81)) (&& (== net46) (< portable-net45+win8+wpa81)) (&& (== net46) (>= uap10.0)) (&& (== net462) (== netstandard2.0)) (&& (== net462) (< net45)) (&& (== net462) (< portable-net45+win8+wp8+wpa81)) (&& (== net462) (< portable-net45+win8+wpa81)) (&& (== net462) (>= uap10.0)) (== netstandard1.6) (&& (== netstandard2.0) (< netstandard1.3)) (&& (== netstandard2.0) (< netstandard1.4)) (&& (== netstandard2.0) (< netstandard1.5)) (&& (== netstandard2.0) (< netstandard1.6)) (&& (== netstandard2.0) (< portable-net45+win8+wp8+wpa81)) (&& (== netstandard2.0) (< portable-net45+win8+wpa81)) (&& (== netstandard2.0) (< portable-net451+win81+wpa81)) (&& (== netstandard2.0) (>= uap10.0))
      Microsoft.NETCore.Platforms (>= 1.1) - restriction: || (&& (== net46) (< net45)) (&& (== net46) (< portable-net45+win8+wp8+wpa81)) (&& (== net462) (< net45)) (&& (== net462) (< portable-net45+win8+wp8+wpa81)) (== netstandard1.6) (== netstandard2.0)
      Microsoft.NETCore.Targets (>= 1.1) - restriction: || (&& (== net46) (< net45)) (&& (== net46) (< portable-net45+win8+wp8+wpa81)) (&& (== net462) (< net45)) (&& (== net462) (< portable-net45+win8+wp8+wpa81)) (== netstandard1.6) (== netstandard2.0)
      System.Reflection (>= 4.3) - restriction: || (&& (== net46) (< net45)) (&& (== net46) (< portable-net45+win8+wp8+wpa81)) (&& (== net462) (< net45)) (&& (== net462) (< portable-net45+win8+wp8+wpa81)) (== netstandard1.6) (== netstandard2.0)
      System.Runtime (>= 4.3) - restriction: || (&& (== net46) (< net45)) (&& (== net46) (< portable-net45+win8+wp8+wpa81)) (&& (== net462) (< net45)) (&& (== net462) (< portable-net45+win8+wp8+wpa81)) (== netstandard1.6) (== netstandard2.0)
    System.Reflection.Primitives (4.3) - restriction: || (&& (== net46) (== netstandard2.0)) (&& (== net46) (< net45)) (&& (== net46) (< portable-net45+win8+wp8+wpa81)) (&& (== net46) (< portable-net45+win8+wpa81)) (&& (== net46) (>= uap10.0)) (&& (== net462) (== netstandard2.0)) (&& (== net462) (< net45)) (&& (== net462) (< portable-net45+win8+wp8+wpa81)) (&& (== net462) (< portable-net45+win8+wpa81)) (&& (== net462) (>= uap10.0)) (== netstandard1.6) (&& (== netstandard2.0) (< netstandard1.3)) (&& (== netstandard2.0) (< netstandard1.4)) (&& (== netstandard2.0) (< netstandard1.5)) (&& (== netstandard2.0) (< netstandard1.6)) (&& (== netstandard2.0) (< portable-net45+win8+wp8+wpa81)) (&& (== netstandard2.0) (< portable-net45+win8+wpa81)) (&& (== netstandard2.0) (< portable-net451+win81+wpa81)) (&& (== netstandard2.0) (>= uap10.0))
      Microsoft.NETCore.Platforms (>= 1.1) - restriction: || (&& (== net46) (< net45)) (&& (== net46) (< portable-net45+win8+wp8+wpa81)) (&& (== net462) (< net45)) (&& (== net462) (< portable-net45+win8+wp8+wpa81)) (== netstandard1.6) (== netstandard2.0)
      Microsoft.NETCore.Targets (>= 1.1) - restriction: || (&& (== net46) (< net45)) (&& (== net46) (< portable-net45+win8+wp8+wpa81)) (&& (== net462) (< net45)) (&& (== net462) (< portable-net45+win8+wp8+wpa81)) (== netstandard1.6) (== netstandard2.0)
      System.Runtime (>= 4.3) - restriction: || (&& (== net46) (< net45)) (&& (== net46) (< portable-net45+win8+wp8+wpa81)) (&& (== net462) (< net45)) (&& (== net462) (< portable-net45+win8+wp8+wpa81)) (== netstandard1.6) (== netstandard2.0)
    System.Reflection.TypeExtensions (4.4) - restriction: || (&& (== net46) (== netstandard2.0)) (&& (== net46) (< net45) (>= netstandard1.6)) (&& (== net46) (>= netstandard1.6) (< portable-net45+win8+wpa81)) (&& (== net46) (>= netstandard1.6) (>= uap10.0)) (&& (== net46) (< portable-net45+win8+wp8+wpa81)) (&& (== net462) (== netstandard2.0)) (&& (== net462) (< net45) (>= netstandard1.6)) (&& (== net462) (>= netstandard1.6) (< portable-net45+win8+wpa81)) (&& (== net462) (>= netstandard1.6) (>= uap10.0)) (&& (== net462) (< portable-net45+win8+wp8+wpa81)) (== netstandard1.6) (&& (== netstandard2.0) (< netstandard1.3)) (&& (== netstandard2.0) (< netstandard1.4)) (&& (== netstandard2.0) (< netstandard1.5)) (&& (== netstandard2.0) (< netstandard1.6)) (&& (== netstandard2.0) (< portable-net45+win8+wp8+wpa81)) (&& (== netstandard2.0) (< portable-net45+win8+wpa81)) (&& (== netstandard2.0) (< portable-net451+win81+wpa81)) (&& (== netstandard2.0) (>= uap10.0))
      System.Reflection (>= 4.3) - restriction: || (&& (== net46) (== netstandard2.0)) (&& (== net46) (< netstandard1.3)) (&& (== net462) (== netstandard2.0)) (&& (== net462) (< net46)) (&& (== net462) (< netstandard1.3)) (== netstandard1.6) (&& (== netstandard2.0) (< netstandard1.3)) (&& (== netstandard2.0) (< netstandard1.5))
      System.Resources.ResourceManager (>= 4.3) - restriction: || (&& (== net46) (== netstandard2.0)) (&& (== net46) (< netstandard1.3)) (&& (== net462) (== netstandard2.0)) (&& (== net462) (< net46)) (&& (== net462) (< netstandard1.3)) (== netstandard1.6) (&& (== netstandard2.0) (< netstandard1.3)) (&& (== netstandard2.0) (< netstandard1.5))
      System.Runtime (>= 4.3) - restriction: || (&& (== net46) (== netstandard2.0)) (&& (== net46) (< netstandard1.3)) (&& (== net462) (== netstandard2.0)) (&& (== net462) (< net46)) (&& (== net462) (< netstandard1.3)) (== netstandard1.6) (&& (== netstandard2.0) (< netstandard1.3)) (&& (== netstandard2.0) (< netstandard1.5))
    System.Resources.ResourceManager (4.3) - restriction: || (&& (== net46) (== netstandard2.0)) (&& (== net46) (< net45)) (&& (== net46) (< net452)) (&& (== net46) (< portable-net45+win8+wp8+wpa81)) (&& (== net46) (< portable-net45+win8+wpa81)) (&& (== net46) (>= uap10.0)) (&& (== net462) (== netstandard2.0)) (&& (== net462) (< net45)) (&& (== net462) (< net452) (< netstandard1.4)) (&& (== net462) (< portable-net45+win8+wp8+wpa81)) (&& (== net462) (< portable-net45+win8+wpa81)) (&& (== net462) (>= uap10.0)) (== netstandard1.6) (&& (== netstandard2.0) (< netstandard1.3)) (&& (== netstandard2.0) (< netstandard1.4)) (&& (== netstandard2.0) (< netstandard1.5)) (&& (== netstandard2.0) (< netstandard1.6)) (&& (== netstandard2.0) (< portable-net45+win8+wp8+wpa81)) (&& (== netstandard2.0) (< portable-net45+win8+wpa81)) (&& (== netstandard2.0) (< portable-net451+win81+wpa81)) (&& (== netstandard2.0) (>= uap10.0))
      Microsoft.NETCore.Platforms (>= 1.1) - restriction: || (&& (== net46) (< net45)) (&& (== net46) (< portable-net45+win8+wp8+wpa81)) (&& (== net462) (< net45)) (&& (== net462) (< portable-net45+win8+wp8+wpa81)) (== netstandard1.6) (== netstandard2.0)
      Microsoft.NETCore.Targets (>= 1.1) - restriction: || (&& (== net46) (< net45)) (&& (== net46) (< portable-net45+win8+wp8+wpa81)) (&& (== net462) (< net45)) (&& (== net462) (< portable-net45+win8+wp8+wpa81)) (== netstandard1.6) (== netstandard2.0)
      System.Globalization (>= 4.3) - restriction: || (&& (== net46) (< net45)) (&& (== net46) (< portable-net45+win8+wp8+wpa81)) (&& (== net462) (< net45)) (&& (== net462) (< portable-net45+win8+wp8+wpa81)) (== netstandard1.6) (== netstandard2.0)
      System.Reflection (>= 4.3) - restriction: || (&& (== net46) (< net45)) (&& (== net46) (< portable-net45+win8+wp8+wpa81)) (&& (== net462) (< net45)) (&& (== net462) (< portable-net45+win8+wp8+wpa81)) (== netstandard1.6) (== netstandard2.0)
      System.Runtime (>= 4.3) - restriction: || (&& (== net46) (< net45)) (&& (== net46) (< portable-net45+win8+wp8+wpa81)) (&& (== net462) (< net45)) (&& (== net462) (< portable-net45+win8+wp8+wpa81)) (== netstandard1.6) (== netstandard2.0)
    System.Runtime (4.3) - restriction: || (&& (== net46) (== netstandard2.0)) (&& (== net46) (< net45)) (&& (== net46) (< net452)) (&& (== net46) (< netstandard1.1)) (&& (== net46) (< portable-net45+win8+wp8+wpa81)) (&& (== net46) (< portable-net45+win8+wpa81)) (&& (== net46) (>= uap10.0)) (&& (== net462) (== netstandard2.0)) (&& (== net462) (< net45)) (&& (== net462) (< net452) (< netstandard1.3)) (&& (== net462) (< net452) (< netstandard1.4)) (&& (== net462) (< netstandard1.1)) (&& (== net462) (< portable-net45+win8+wp8+wpa81)) (&& (== net462) (< portable-net45+win8+wpa81)) (&& (== net462) (>= uap10.0)) (== netstandard1.6) (&& (== netstandard2.0) (< netstandard1.1)) (&& (== netstandard2.0) (< netstandard1.2)) (&& (== netstandard2.0) (< netstandard1.3)) (&& (== netstandard2.0) (< netstandard1.4)) (&& (== netstandard2.0) (< netstandard1.5)) (&& (== netstandard2.0) (< netstandard1.6)) (&& (== netstandard2.0) (< portable-net45+win8+wp8+wpa81)) (&& (== netstandard2.0) (< portable-net45+win8+wpa81)) (&& (== netstandard2.0) (< portable-net451+win81+wpa81)) (&& (== netstandard2.0) (>= uap10.0))
      Microsoft.NETCore.Platforms (>= 1.1) - restriction: || (&& (== net46) (< net45)) (&& (== net46) (< portable-net45+win8+wp8+wpa81)) (&& (== net462) (< net45)) (&& (== net462) (< portable-net45+win8+wp8+wpa81)) (== netstandard1.6) (== netstandard2.0)
      Microsoft.NETCore.Targets (>= 1.1) - restriction: || (&& (== net46) (< net45)) (&& (== net46) (< portable-net45+win8+wp8+wpa81)) (&& (== net462) (< net45)) (&& (== net462) (< portable-net45+win8+wp8+wpa81)) (== netstandard1.6) (== netstandard2.0)
    System.Runtime.Extensions (4.3) - restriction: || (&& (== net46) (== netstandard2.0)) (&& (== net46) (< net45)) (&& (== net46) (< net452)) (&& (== net46) (< portable-net45+win8+wp8+wpa81)) (&& (== net46) (< portable-net45+win8+wpa81)) (&& (== net46) (>= uap10.0)) (&& (== net462) (== netstandard2.0)) (&& (== net462) (< net45)) (&& (== net462) (< net452) (< netstandard1.4)) (&& (== net462) (< portable-net45+win8+wp8+wpa81)) (&& (== net462) (< portable-net45+win8+wpa81)) (&& (== net462) (>= uap10.0)) (== netstandard1.6) (&& (== netstandard2.0) (< netstandard1.3)) (&& (== netstandard2.0) (< netstandard1.4)) (&& (== netstandard2.0) (< netstandard1.5)) (&& (== netstandard2.0) (< netstandard1.6)) (&& (== netstandard2.0) (< portable-net45+win8+wp8+wpa81)) (&& (== netstandard2.0) (< portable-net45+win8+wpa81)) (&& (== netstandard2.0) (< portable-net451+win81+wpa81)) (&& (== netstandard2.0) (>= uap10.0))
      Microsoft.NETCore.Platforms (>= 1.1) - restriction: || (&& (== net46) (< net45)) (&& (== net46) (< portable-net45+win8+wp8+wpa81)) (&& (== net462) (< net45)) (&& (== net462) (< portable-net45+win8+wp8+wpa81)) (== netstandard1.6) (== netstandard2.0)
      Microsoft.NETCore.Targets (>= 1.1) - restriction: || (&& (== net46) (< net45)) (&& (== net46) (< portable-net45+win8+wp8+wpa81)) (&& (== net462) (< net45)) (&& (== net462) (< portable-net45+win8+wp8+wpa81)) (== netstandard1.6) (== netstandard2.0)
      System.Runtime (>= 4.3) - restriction: || (&& (== net46) (< net45)) (&& (== net46) (< portable-net45+win8+wp8+wpa81)) (&& (== net462) (< net45)) (&& (== net462) (< portable-net45+win8+wp8+wpa81)) (== netstandard1.6) (== netstandard2.0)
    System.Runtime.Handles (4.3) - restriction: || (&& (== net46) (== netstandard2.0)) (&& (== net46) (< net45)) (&& (== net46) (< net452)) (&& (== net46) (< portable-net45+win8+wp8+wpa81)) (&& (== net46) (< portable-net45+win8+wpa81)) (&& (== net46) (>= uap10.0)) (&& (== net462) (== netstandard2.0)) (&& (== net462) (< net45)) (&& (== net462) (< net452) (< netstandard1.4)) (&& (== net462) (< portable-net45+win8+wp8+wpa81)) (&& (== net462) (< portable-net45+win8+wpa81)) (&& (== net462) (>= uap10.0)) (== netstandard1.6) (&& (== netstandard2.0) (< netstandard1.3)) (&& (== netstandard2.0) (< netstandard1.4)) (&& (== netstandard2.0) (< netstandard1.5)) (&& (== netstandard2.0) (< netstandard1.6)) (&& (== netstandard2.0) (< portable-net45+win8+wp8+wpa81)) (&& (== netstandard2.0) (< portable-net45+win8+wpa81)) (&& (== netstandard2.0) (< portable-net451+win81+wpa81)) (&& (== netstandard2.0) (>= uap10.0))
      Microsoft.NETCore.Platforms (>= 1.1) - restriction: || (&& (== net462) (< net46)) (== netstandard1.6) (== netstandard2.0)
      Microsoft.NETCore.Targets (>= 1.1) - restriction: || (&& (== net462) (< net46)) (== netstandard1.6) (== netstandard2.0)
      System.Runtime (>= 4.3) - restriction: || (&& (== net462) (< net46)) (== netstandard1.6) (== netstandard2.0)
    System.Runtime.InteropServices (4.3) - restriction: || (&& (== net46) (== netstandard2.0)) (&& (== net46) (< net45)) (&& (== net46) (< portable-net45+win8+wpa81)) (&& (== net46) (>= uap10.0)) (&& (== net462) (== netstandard2.0)) (&& (== net462) (< net45)) (&& (== net462) (< portable-net45+win8+wpa81)) (&& (== net462) (>= uap10.0)) (== netstandard1.6) (&& (== netstandard2.0) (< netstandard1.3)) (&& (== netstandard2.0) (< netstandard1.4)) (&& (== netstandard2.0) (< netstandard1.5)) (&& (== netstandard2.0) (< netstandard1.6)) (&& (== netstandard2.0) (< portable-net45+win8+wpa81)) (&& (== netstandard2.0) (< portable-net451+win81+wpa81)) (&& (== netstandard2.0) (>= uap10.0))
      Microsoft.NETCore.Platforms (>= 1.1) - restriction: || (&& (== net46) (< net45)) (&& (== net46) (>= netcoreapp1.1)) (&& (== net46) (< portable-net45+win8+wpa81)) (&& (== net462) (< net45)) (&& (== net462) (>= netcoreapp1.1)) (&& (== net462) (< portable-net45+win8+wpa81)) (== netstandard1.6) (== netstandard2.0)
      Microsoft.NETCore.Targets (>= 1.1) - restriction: || (&& (== net46) (< net45)) (&& (== net46) (>= netcoreapp1.1)) (&& (== net46) (< portable-net45+win8+wpa81)) (&& (== net462) (< net45)) (&& (== net462) (>= netcoreapp1.1)) (&& (== net462) (< portable-net45+win8+wpa81)) (== netstandard1.6) (== netstandard2.0)
      System.Reflection (>= 4.3) - restriction: || (&& (== net46) (< net45)) (&& (== net46) (>= netcoreapp1.1)) (&& (== net46) (< portable-net45+win8+wpa81)) (&& (== net462) (< net45)) (&& (== net462) (>= netcoreapp1.1)) (&& (== net462) (< portable-net45+win8+wpa81)) (== netstandard1.6) (== netstandard2.0)
      System.Reflection.Primitives (>= 4.3) - restriction: || (&& (== net46) (< net45)) (&& (== net46) (>= netcoreapp1.1)) (&& (== net46) (< portable-net45+win8+wpa81)) (&& (== net462) (< net45)) (&& (== net462) (>= netcoreapp1.1)) (&& (== net462) (< portable-net45+win8+wpa81)) (== netstandard1.6) (== netstandard2.0)
      System.Runtime (>= 4.3) - restriction: || (&& (== net46) (< net45)) (&& (== net46) (>= net462)) (&& (== net46) (>= netcoreapp1.1)) (&& (== net46) (< portable-net45+win8+wpa81)) (== net462) (== netstandard1.6) (== netstandard2.0)
      System.Runtime.Handles (>= 4.3) - restriction: || (&& (== net46) (< net45)) (&& (== net46) (>= netcoreapp1.1)) (&& (== net46) (< portable-net45+win8+wpa81)) (&& (== net462) (< net45)) (&& (== net462) (>= netcoreapp1.1)) (&& (== net462) (< portable-net45+win8+wpa81)) (== netstandard1.6) (== netstandard2.0)
    System.Runtime.InteropServices.RuntimeInformation (4.3) - restriction: || (&& (== net46) (== netstandard2.0)) (&& (== net46) (< net45)) (&& (== net46) (< net452)) (&& (== net46) (< netstandard1.0)) (&& (== net46) (< netstandard1.3) (>= wpa81)) (&& (== net46) (< portable-net451+win81+wpa81)) (&& (== net46) (>= uap10.0)) (&& (== net462) (== netstandard2.0)) (&& (== net462) (< net45)) (&& (== net462) (< net452) (< netstandard1.3)) (&& (== net462) (< net452) (< netstandard1.4)) (&& (== net462) (< netstandard1.0)) (&& (== net462) (< netstandard1.3) (>= wpa81)) (&& (== net462) (< portable-net451+win81+wpa81)) (&& (== net462) (>= uap10.0)) (== netstandard1.6) (&& (== netstandard2.0) (< netstandard1.0)) (&& (== netstandard2.0) (< netstandard1.3)) (&& (== netstandard2.0) (< netstandard1.4)) (&& (== netstandard2.0) (< netstandard1.5)) (&& (== netstandard2.0) (< netstandard1.6)) (&& (== netstandard2.0) (< portable-net451+win81+wpa81)) (&& (== netstandard2.0) (>= uap10.0))
      runtime.native.System (>= 4.3) - restriction: || (&& (== net46) (< net45)) (&& (== net462) (< net45)) (== netstandard1.6) (== netstandard2.0)
      System.Reflection (>= 4.3) - restriction: || (&& (== net46) (< net45)) (&& (== net46) (< netstandard1.1)) (&& (== net462) (< net45)) (&& (== net462) (< netstandard1.1)) (== netstandard1.6) (== netstandard2.0)
      System.Reflection.Extensions (>= 4.3) - restriction: || (&& (== net46) (< net45)) (&& (== net46) (< netstandard1.1)) (&& (== net462) (< net45)) (&& (== net462) (< netstandard1.1)) (== netstandard1.6) (== netstandard2.0)
      System.Resources.ResourceManager (>= 4.3) - restriction: || (&& (== net46) (< net45)) (&& (== net46) (< netstandard1.1)) (&& (== net462) (< net45)) (&& (== net462) (< netstandard1.1)) (== netstandard1.6) (== netstandard2.0)
      System.Runtime (>= 4.3) - restriction: || (&& (== net46) (< net45)) (&& (== net46) (< netstandard1.1)) (&& (== net462) (< net45)) (&& (== net462) (< netstandard1.1)) (== netstandard1.6) (== netstandard2.0)
      System.Runtime.InteropServices (>= 4.3) - restriction: || (&& (== net46) (< net45)) (&& (== net462) (< net45)) (== netstandard1.6) (== netstandard2.0)
      System.Threading (>= 4.3) - restriction: || (&& (== net46) (< net45)) (&& (== net46) (< netstandard1.1)) (&& (== net462) (< net45)) (&& (== net462) (< netstandard1.1)) (== netstandard1.6) (== netstandard2.0)
    System.Runtime.Numerics (4.3) - restriction: || (&& (== net46) (== netstandard2.0)) (&& (== net46) (< net45)) (&& (== net46) (>= uap10.0)) (&& (== net462) (== netstandard2.0)) (&& (== net462) (< net45)) (&& (== net462) (>= uap10.0)) (== netstandard1.6) (&& (== netstandard2.0) (< netstandard1.3)) (&& (== netstandard2.0) (< netstandard1.4)) (&& (== netstandard2.0) (< netstandard1.5)) (&& (== netstandard2.0) (< netstandard1.6)) (&& (== netstandard2.0) (< portable-net451+win81+wpa81)) (&& (== netstandard2.0) (>= uap10.0))
      System.Globalization (>= 4.3) - restriction: || (&& (== net46) (< net45)) (&& (== net46) (< portable-net45+win8+wpa81)) (&& (== net462) (< net45)) (&& (== net462) (< portable-net45+win8+wpa81)) (== netstandard1.6) (== netstandard2.0)
      System.Resources.ResourceManager (>= 4.3) - restriction: || (&& (== net46) (< net45)) (&& (== net46) (< portable-net45+win8+wpa81)) (&& (== net462) (< net45)) (&& (== net462) (< portable-net45+win8+wpa81)) (== netstandard1.6) (== netstandard2.0)
      System.Runtime (>= 4.3) - restriction: || (&& (== net46) (< net45)) (&& (== net46) (< portable-net45+win8+wpa81)) (&& (== net462) (< net45)) (&& (== net462) (< portable-net45+win8+wpa81)) (== netstandard1.6) (== netstandard2.0)
      System.Runtime.Extensions (>= 4.3) - restriction: || (&& (== net46) (< net45)) (&& (== net46) (< portable-net45+win8+wpa81)) (&& (== net462) (< net45)) (&& (== net462) (< portable-net45+win8+wpa81)) (== netstandard1.6) (== netstandard2.0)
    System.Security.Cryptography.Algorithms (4.3.1) - restriction: || (&& (== net46) (== netstandard2.0)) (&& (== net46) (< net45)) (&& (== net46) (< net452)) (&& (== net46) (>= uap10.0)) (&& (== net462) (== netstandard2.0)) (&& (== net462) (< net45)) (&& (== net462) (< net452) (< netstandard1.4)) (&& (== net462) (>= uap10.0)) (== netstandard1.6) (&& (== netstandard2.0) (< netstandard1.3)) (&& (== netstandard2.0) (< netstandard1.4)) (&& (== netstandard2.0) (< netstandard1.5)) (&& (== netstandard2.0) (< netstandard1.6)) (&& (== netstandard2.0) (< portable-net451+win81+wpa81)) (&& (== netstandard2.0) (>= uap10.0))
      Microsoft.NETCore.Platforms (>= 1.1) - restriction: || (&& (== net46) (< netstandard1.3)) (&& (== net462) (< net46) (>= netstandard1.6)) (&& (== net462) (< netstandard1.3)) (== netstandard1.6) (== netstandard2.0)
      runtime.native.System.Security.Cryptography.Apple (>= 4.3.1) - restriction: || (&& (== net462) (< net46) (>= netstandard1.6)) (== netstandard1.6) (== netstandard2.0)
      runtime.native.System.Security.Cryptography.OpenSsl (>= 4.3.2) - restriction: || (&& (== net462) (< net46) (>= netstandard1.6)) (== netstandard1.6) (== netstandard2.0)
      System.Collections (>= 4.3) - restriction: || (&& (== net462) (< net46) (>= netstandard1.6)) (== netstandard1.6) (== netstandard2.0)
      System.IO (>= 4.3) - restriction: || (&& (== net46) (>= net463)) (&& (== net46) (< netstandard1.3)) (&& (== net462) (< net46)) (&& (== net462) (>= net463)) (&& (== net462) (< netstandard1.3)) (== netstandard1.6) (== netstandard2.0)
      System.Resources.ResourceManager (>= 4.3) - restriction: || (&& (== net46) (< netstandard1.3)) (&& (== net462) (< net46) (>= netstandard1.6)) (&& (== net462) (< netstandard1.3)) (== netstandard1.6) (== netstandard2.0)
      System.Runtime (>= 4.3) - restriction: || (&& (== net46) (>= net463)) (&& (== net46) (< netstandard1.3)) (&& (== net462) (< net46)) (&& (== net462) (>= net463)) (&& (== net462) (< netstandard1.3)) (== netstandard1.6) (== netstandard2.0)
      System.Runtime.Extensions (>= 4.3) - restriction: || (&& (== net46) (< netstandard1.3)) (&& (== net462) (< net46) (>= netstandard1.6)) (&& (== net462) (< netstandard1.3)) (== netstandard1.6) (== netstandard2.0)
      System.Runtime.Handles (>= 4.3) - restriction: || (&& (== net46) (< netstandard1.3)) (&& (== net462) (< net46) (>= netstandard1.6)) (&& (== net462) (< netstandard1.3)) (== netstandard1.6) (== netstandard2.0)
      System.Runtime.InteropServices (>= 4.3) - restriction: || (&& (== net46) (< netstandard1.3)) (&& (== net462) (< net46) (>= netstandard1.6)) (&& (== net462) (< netstandard1.3)) (== netstandard1.6) (== netstandard2.0)
      System.Runtime.Numerics (>= 4.3) - restriction: || (&& (== net462) (< net46) (>= netstandard1.6)) (== netstandard1.6) (== netstandard2.0)
      System.Security.Cryptography.Encoding (>= 4.3) - restriction: || (&& (== net46) (>= net463)) (&& (== net46) (< netstandard1.3)) (&& (== net462) (< net46) (>= netstandard1.6)) (&& (== net462) (>= net463)) (&& (== net462) (< netstandard1.3)) (== netstandard1.6) (== netstandard2.0)
      System.Security.Cryptography.Primitives (>= 4.3)
      System.Text.Encoding (>= 4.3) - restriction: || (&& (== net46) (< netstandard1.3)) (&& (== net462) (< net46) (>= netstandard1.6)) (&& (== net462) (< netstandard1.3)) (== netstandard1.6) (== netstandard2.0)
    System.Security.Cryptography.Cng (4.4) - restriction: || (&& (== net46) (== netstandard2.0)) (&& (== net46) (< net45) (< netstandard1.3)) (&& (== net46) (< net45) (>= netstandard1.6)) (&& (== net46) (< net452) (< netstandard1.3)) (&& (== net46) (< net452) (>= netstandard1.6)) (&& (== net46) (< netstandard1.3) (>= uap10.0)) (&& (== net46) (>= netstandard1.6) (>= uap10.0)) (&& (== net462) (== netstandard2.0)) (&& (== net462) (< net45) (< netstandard1.3)) (&& (== net462) (< net45) (>= netstandard1.6)) (&& (== net462) (< net452) (< netstandard1.3)) (&& (== net462) (< net452) (< netstandard1.4) (>= netstandard1.6)) (&& (== net462) (< netstandard1.3) (>= uap10.0)) (&& (== net462) (>= netstandard1.6) (>= uap10.0)) (== netstandard1.6) (&& (== netstandard2.0) (< netstandard1.3)) (&& (== netstandard2.0) (< netstandard1.4)) (&& (== netstandard2.0) (< netstandard1.5)) (&& (== netstandard2.0) (< netstandard1.6)) (&& (== netstandard2.0) (>= uap10.0))
      System.IO (>= 4.3) - restriction: || (&& (== net46) (== netstandard2.0)) (&& (== net462) (== netstandard2.0)) (&& (== net462) (< net46)) (== netstandard1.6) (&& (== netstandard2.0) (< netstandard1.4)) (&& (== netstandard2.0) (< netstandard1.6))
      System.Resources.ResourceManager (>= 4.3) - restriction: || (&& (== net46) (== netstandard2.0)) (&& (== net462) (== netstandard2.0)) (&& (== net462) (< net46)) (== netstandard1.6) (&& (== netstandard2.0) (< netstandard1.4)) (&& (== netstandard2.0) (< netstandard1.6))
      System.Runtime (>= 4.3) - restriction: || (&& (== net46) (== netstandard2.0)) (&& (== net462) (== netstandard2.0)) (&& (== net462) (< net46)) (== netstandard1.6) (&& (== netstandard2.0) (< netstandard1.4)) (&& (== netstandard2.0) (< netstandard1.6))
      System.Runtime.Extensions (>= 4.3) - restriction: || (&& (== net46) (== netstandard2.0)) (&& (== net462) (== netstandard2.0)) (&& (== net462) (< net46)) (== netstandard1.6) (&& (== netstandard2.0) (< netstandard1.6))
      System.Runtime.Handles (>= 4.3) - restriction: || (&& (== net46) (== netstandard2.0)) (&& (== net462) (== netstandard2.0)) (&& (== net462) (< net46)) (== netstandard1.6) (&& (== netstandard2.0) (< netstandard1.4)) (&& (== netstandard2.0) (< netstandard1.6))
      System.Runtime.InteropServices (>= 4.3) - restriction: || (&& (== net46) (== netstandard2.0)) (&& (== net462) (== netstandard2.0)) (&& (== net462) (< net46)) (== netstandard1.6) (&& (== netstandard2.0) (< netstandard1.4)) (&& (== netstandard2.0) (< netstandard1.6))
      System.Security.Cryptography.Algorithms (>= 4.3) - restriction: || (== net46) (&& (== net462) (== netstandard2.0)) (&& (== net462) (< net46)) (&& (== net462) (< netstandard1.4)) (== netstandard1.6) (&& (== netstandard2.0) (< netstandard1.4)) (&& (== netstandard2.0) (< netstandard1.6))
      System.Security.Cryptography.Encoding (>= 4.3) - restriction: || (&& (== net46) (== netstandard2.0)) (&& (== net462) (== netstandard2.0)) (&& (== net462) (< net46)) (== netstandard1.6) (&& (== netstandard2.0) (< netstandard1.6))
      System.Security.Cryptography.Primitives (>= 4.3) - restriction: || (== net46) (&& (== net462) (== netstandard2.0)) (&& (== net462) (< net46)) (&& (== net462) (< netstandard1.4)) (== netstandard1.6) (&& (== netstandard2.0) (< netstandard1.4)) (&& (== netstandard2.0) (< netstandard1.6))
      System.Text.Encoding (>= 4.3) - restriction: || (&& (== net46) (== netstandard2.0)) (&& (== net462) (== netstandard2.0)) (&& (== net462) (< net46)) (== netstandard1.6) (&& (== netstandard2.0) (< netstandard1.6))
    System.Security.Cryptography.Csp (4.3) - restriction: || (&& (== net46) (== netstandard2.0)) (&& (== net46) (< net45) (>= netstandard1.6)) (&& (== net46) (< net452) (>= netstandard1.6)) (&& (== net46) (>= netstandard1.6) (>= uap10.0)) (&& (== net462) (== netstandard2.0)) (&& (== net462) (< net45) (>= netstandard1.6)) (&& (== net462) (< net452) (< netstandard1.4) (>= netstandard1.6)) (&& (== net462) (>= netstandard1.6) (>= uap10.0)) (== netstandard1.6) (&& (== netstandard2.0) (< netstandard1.4)) (&& (== netstandard2.0) (< netstandard1.5)) (&& (== netstandard2.0) (< netstandard1.6)) (&& (== netstandard2.0) (>= uap10.0))
      Microsoft.NETCore.Platforms (>= 1.1) - restriction: || (&& (== net462) (< net46)) (== netstandard1.6) (== netstandard2.0)
      System.IO (>= 4.3) - restriction: || (&& (== net462) (< net46)) (== netstandard1.6) (== netstandard2.0)
      System.Reflection (>= 4.3) - restriction: || (&& (== net462) (< net46)) (== netstandard1.6) (== netstandard2.0)
      System.Resources.ResourceManager (>= 4.3) - restriction: || (&& (== net462) (< net46)) (== netstandard1.6) (== netstandard2.0)
      System.Runtime (>= 4.3) - restriction: || (&& (== net462) (< net46)) (== netstandard1.6) (== netstandard2.0)
      System.Runtime.Extensions (>= 4.3) - restriction: || (&& (== net462) (< net46)) (== netstandard1.6) (== netstandard2.0)
      System.Runtime.Handles (>= 4.3) - restriction: || (&& (== net462) (< net46)) (== netstandard1.6) (== netstandard2.0)
      System.Runtime.InteropServices (>= 4.3) - restriction: || (&& (== net462) (< net46)) (== netstandard1.6) (== netstandard2.0)
      System.Security.Cryptography.Algorithms (>= 4.3)
      System.Security.Cryptography.Encoding (>= 4.3) - restriction: || (&& (== net462) (< net46)) (== netstandard1.6) (== netstandard2.0)
      System.Security.Cryptography.Primitives (>= 4.3)
      System.Text.Encoding (>= 4.3) - restriction: || (&& (== net462) (< net46)) (== netstandard1.6) (== netstandard2.0)
      System.Threading (>= 4.3) - restriction: || (&& (== net462) (< net46)) (== netstandard1.6) (== netstandard2.0)
    System.Security.Cryptography.Encoding (4.3) - restriction: || (&& (== net46) (== netstandard2.0)) (&& (== net46) (< net45)) (&& (== net46) (< net452)) (&& (== net46) (>= uap10.0)) (&& (== net462) (== netstandard2.0)) (&& (== net462) (< net45)) (&& (== net462) (< net452) (< netstandard1.3)) (&& (== net462) (< net452) (< netstandard1.4)) (&& (== net462) (>= uap10.0)) (== netstandard1.6) (&& (== netstandard2.0) (< netstandard1.3)) (&& (== netstandard2.0) (< netstandard1.4)) (&& (== netstandard2.0) (< netstandard1.5)) (&& (== netstandard2.0) (< netstandard1.6)) (&& (== netstandard2.0) (< portable-net451+win81+wpa81)) (&& (== netstandard2.0) (>= uap10.0))
      Microsoft.NETCore.Platforms (>= 1.1) - restriction: || (&& (== net462) (< net46)) (== netstandard1.6) (== netstandard2.0)
      runtime.native.System.Security.Cryptography.OpenSsl (>= 4.3) - restriction: || (&& (== net462) (< net46)) (== netstandard1.6) (== netstandard2.0)
      System.Collections (>= 4.3) - restriction: || (&& (== net462) (< net46)) (== netstandard1.6) (== netstandard2.0)
      System.Collections.Concurrent (>= 4.3) - restriction: || (&& (== net462) (< net46)) (== netstandard1.6) (== netstandard2.0)
      System.Linq (>= 4.3) - restriction: || (&& (== net462) (< net46)) (== netstandard1.6) (== netstandard2.0)
      System.Resources.ResourceManager (>= 4.3) - restriction: || (&& (== net462) (< net46)) (== netstandard1.6) (== netstandard2.0)
      System.Runtime (>= 4.3) - restriction: || (&& (== net462) (< net46)) (== netstandard1.6) (== netstandard2.0)
      System.Runtime.Extensions (>= 4.3) - restriction: || (&& (== net462) (< net46)) (== netstandard1.6) (== netstandard2.0)
      System.Runtime.Handles (>= 4.3) - restriction: || (&& (== net462) (< net46)) (== netstandard1.6) (== netstandard2.0)
      System.Runtime.InteropServices (>= 4.3) - restriction: || (&& (== net462) (< net46)) (== netstandard1.6) (== netstandard2.0)
      System.Security.Cryptography.Primitives (>= 4.3) - restriction: || (&& (== net462) (< net46)) (== netstandard1.6) (== netstandard2.0)
      System.Text.Encoding (>= 4.3) - restriction: || (&& (== net462) (< net46)) (== netstandard1.6) (== netstandard2.0)
    System.Security.Cryptography.OpenSsl (4.4) - restriction: || (&& (== net46) (== netstandard2.0)) (&& (== net46) (< net45) (>= netstandard1.6)) (&& (== net46) (< net452) (>= netstandard1.6)) (&& (== net46) (>= netstandard1.6) (>= uap10.0)) (&& (== net462) (== netstandard2.0)) (&& (== net462) (< net45) (>= netstandard1.6)) (&& (== net462) (< net452) (< netstandard1.4) (>= netstandard1.6)) (&& (== net462) (>= netstandard1.6) (>= uap10.0)) (== netstandard1.6) (&& (== netstandard2.0) (< netstandard1.3)) (&& (== netstandard2.0) (< netstandard1.4)) (&& (== netstandard2.0) (< netstandard1.5)) (&& (== netstandard2.0) (< netstandard1.6)) (&& (== netstandard2.0) (< portable-net451+win81+wpa81)) (&& (== netstandard2.0) (>= uap10.0))
      System.Collections (>= 4.3) - restriction: || (&& (== net46) (== netstandard2.0)) (&& (== net46) (>= netstandard1.6)) (&& (== net462) (== netstandard2.0)) (&& (== net462) (< net461) (>= netstandard1.6)) (== netstandard1.6)
      System.IO (>= 4.3) - restriction: || (&& (== net46) (== netstandard2.0)) (&& (== net46) (>= netstandard1.6)) (&& (== net462) (== netstandard2.0)) (&& (== net462) (< net461) (>= netstandard1.6)) (== netstandard1.6)
      System.Resources.ResourceManager (>= 4.3) - restriction: || (&& (== net46) (== netstandard2.0)) (&& (== net46) (>= netstandard1.6)) (&& (== net462) (== netstandard2.0)) (&& (== net462) (< net461) (>= netstandard1.6)) (== netstandard1.6)
      System.Runtime (>= 4.3) - restriction: || (&& (== net46) (== netstandard2.0)) (&& (== net46) (>= netstandard1.6)) (&& (== net462) (== netstandard2.0)) (&& (== net462) (< net461) (>= netstandard1.6)) (== netstandard1.6)
      System.Runtime.Extensions (>= 4.3) - restriction: || (&& (== net46) (== netstandard2.0)) (&& (== net46) (>= netstandard1.6)) (&& (== net462) (== netstandard2.0)) (&& (== net462) (< net461) (>= netstandard1.6)) (== netstandard1.6)
      System.Runtime.Handles (>= 4.3) - restriction: || (&& (== net46) (== netstandard2.0)) (&& (== net46) (>= netstandard1.6)) (&& (== net462) (== netstandard2.0)) (&& (== net462) (< net461) (>= netstandard1.6)) (== netstandard1.6)
      System.Runtime.InteropServices (>= 4.3) - restriction: || (&& (== net46) (== netstandard2.0)) (&& (== net46) (>= netstandard1.6)) (&& (== net462) (== netstandard2.0)) (&& (== net462) (< net461) (>= netstandard1.6)) (== netstandard1.6)
      System.Runtime.Numerics (>= 4.3) - restriction: || (&& (== net46) (== netstandard2.0)) (&& (== net46) (>= netstandard1.6)) (&& (== net462) (== netstandard2.0)) (&& (== net462) (< net461) (>= netstandard1.6)) (== netstandard1.6)
      System.Security.Cryptography.Algorithms (>= 4.3) - restriction: || (&& (== net46) (== netstandard2.0)) (&& (== net46) (>= netstandard1.6)) (&& (== net462) (== netstandard2.0)) (&& (== net462) (< net461) (>= netstandard1.6)) (== netstandard1.6)
      System.Security.Cryptography.Encoding (>= 4.3) - restriction: || (&& (== net46) (== netstandard2.0)) (&& (== net46) (>= netstandard1.6)) (&& (== net462) (== netstandard2.0)) (&& (== net462) (< net461) (>= netstandard1.6)) (== netstandard1.6)
      System.Security.Cryptography.Primitives (>= 4.3) - restriction: || (&& (== net46) (== netstandard2.0)) (&& (== net46) (>= netstandard1.6)) (&& (== net462) (== netstandard2.0)) (&& (== net462) (< net461) (>= netstandard1.6)) (== netstandard1.6)
      System.Text.Encoding (>= 4.3) - restriction: || (&& (== net46) (== netstandard2.0)) (&& (== net46) (>= netstandard1.6)) (&& (== net462) (== netstandard2.0)) (&& (== net462) (< net461) (>= netstandard1.6)) (== netstandard1.6)
    System.Security.Cryptography.Primitives (4.3) - restriction: || (&& (== net46) (== netstandard2.0)) (&& (== net46) (< net45)) (&& (== net46) (< net452)) (&& (== net46) (>= uap10.0)) (&& (== net462) (== netstandard2.0)) (&& (== net462) (< net45)) (&& (== net462) (< net452) (< netstandard1.3)) (&& (== net462) (< net452) (< netstandard1.4)) (&& (== net462) (>= uap10.0)) (== netstandard1.6) (&& (== netstandard2.0) (< netstandard1.3)) (&& (== netstandard2.0) (< netstandard1.4)) (&& (== netstandard2.0) (< netstandard1.5)) (&& (== netstandard2.0) (< netstandard1.6)) (&& (== netstandard2.0) (< portable-net451+win81+wpa81)) (&& (== netstandard2.0) (>= uap10.0))
      System.Diagnostics.Debug (>= 4.3) - restriction: || (&& (== net462) (< net46)) (== netstandard1.6) (== netstandard2.0)
      System.Globalization (>= 4.3) - restriction: || (&& (== net462) (< net46)) (== netstandard1.6) (== netstandard2.0)
      System.IO (>= 4.3) - restriction: || (&& (== net462) (< net46)) (== netstandard1.6) (== netstandard2.0)
      System.Resources.ResourceManager (>= 4.3) - restriction: || (&& (== net462) (< net46)) (== netstandard1.6) (== netstandard2.0)
      System.Runtime (>= 4.3) - restriction: || (&& (== net462) (< net46)) (== netstandard1.6) (== netstandard2.0)
      System.Threading (>= 4.3) - restriction: || (&& (== net462) (< net46)) (== netstandard1.6) (== netstandard2.0)
      System.Threading.Tasks (>= 4.3) - restriction: || (&& (== net462) (< net46)) (== netstandard1.6) (== netstandard2.0)
    System.Security.Cryptography.X509Certificates (4.3.2) - restriction: || (&& (== net46) (== netstandard2.0)) (&& (== net46) (< net45)) (&& (== net46) (< net452)) (&& (== net46) (< portable-net45+win8+wpa81)) (&& (== net46) (>= uap10.0)) (&& (== net462) (== netstandard2.0)) (&& (== net462) (< net45)) (&& (== net462) (< net452) (< netstandard1.4)) (&& (== net462) (< portable-net45+win8+wpa81)) (&& (== net462) (>= uap10.0)) (== netstandard1.6) (&& (== netstandard2.0) (< netstandard1.3)) (&& (== netstandard2.0) (< netstandard1.4)) (&& (== netstandard2.0) (< netstandard1.5)) (&& (== netstandard2.0) (< netstandard1.6)) (&& (== netstandard2.0) (< portable-net45+win8+wpa81)) (&& (== netstandard2.0) (< portable-net451+win81+wpa81)) (&& (== netstandard2.0) (>= uap10.0))
      Microsoft.NETCore.Platforms (>= 1.1) - restriction: || (&& (== net46) (< netstandard1.3)) (&& (== net462) (< net46) (>= netstandard1.6)) (&& (== net462) (< netstandard1.3)) (== netstandard1.6) (== netstandard2.0)
      runtime.native.System (>= 4.3) - restriction: || (&& (== net462) (< net46) (>= netstandard1.6)) (== netstandard1.6) (== netstandard2.0)
      runtime.native.System.Net.Http (>= 4.3) - restriction: || (&& (== net462) (< net46) (>= netstandard1.6)) (== netstandard1.6) (== netstandard2.0)
      runtime.native.System.Security.Cryptography.OpenSsl (>= 4.3.2) - restriction: || (&& (== net462) (< net46) (>= netstandard1.6)) (== netstandard1.6) (== netstandard2.0)
      System.Collections (>= 4.3) - restriction: || (&& (== net46) (< netstandard1.3)) (&& (== net462) (< net46) (>= netstandard1.6)) (&& (== net462) (< netstandard1.3)) (== netstandard1.6) (== netstandard2.0)
      System.Diagnostics.Debug (>= 4.3) - restriction: || (&& (== net462) (< net46) (>= netstandard1.6)) (== netstandard1.6) (== netstandard2.0)
      System.Globalization (>= 4.3) - restriction: || (&& (== net46) (< netstandard1.3)) (&& (== net462) (< net46) (>= netstandard1.6)) (&& (== net462) (< netstandard1.3)) (== netstandard1.6) (== netstandard2.0)
      System.Globalization.Calendars (>= 4.3) - restriction: || (&& (== net46) (< netstandard1.3)) (&& (== net462) (< net46) (>= netstandard1.6)) (&& (== net462) (< netstandard1.3)) (== netstandard1.6) (== netstandard2.0)
      System.IO (>= 4.3) - restriction: || (&& (== net46) (< netstandard1.3)) (&& (== net462) (< net46) (>= netstandard1.6)) (&& (== net462) (< netstandard1.3)) (== netstandard1.6) (== netstandard2.0)
      System.IO.FileSystem (>= 4.3) - restriction: || (&& (== net46) (< netstandard1.3)) (&& (== net462) (< net46) (>= netstandard1.6)) (&& (== net462) (< netstandard1.3)) (== netstandard1.6) (== netstandard2.0)
      System.IO.FileSystem.Primitives (>= 4.3) - restriction: || (&& (== net462) (< net46) (>= netstandard1.6)) (== netstandard1.6) (== netstandard2.0)
      System.Resources.ResourceManager (>= 4.3) - restriction: || (&& (== net46) (< netstandard1.3)) (&& (== net462) (< net46) (>= netstandard1.6)) (&& (== net462) (< netstandard1.3)) (== netstandard1.6) (== netstandard2.0)
      System.Runtime (>= 4.3) - restriction: || (&& (== net46) (< netstandard1.3)) (&& (== net462) (< net46)) (&& (== net462) (< netstandard1.3)) (== netstandard1.6) (== netstandard2.0)
      System.Runtime.Extensions (>= 4.3) - restriction: || (&& (== net46) (< netstandard1.3)) (&& (== net462) (< net46) (>= netstandard1.6)) (&& (== net462) (< netstandard1.3)) (== netstandard1.6) (== netstandard2.0)
      System.Runtime.Handles (>= 4.3) - restriction: || (&& (== net46) (< netstandard1.3)) (&& (== net462) (< net46)) (&& (== net462) (< netstandard1.3)) (== netstandard1.6) (== netstandard2.0)
      System.Runtime.InteropServices (>= 4.3) - restriction: || (&& (== net46) (< netstandard1.3)) (&& (== net462) (< net46) (>= netstandard1.6)) (&& (== net462) (< netstandard1.3)) (== netstandard1.6) (== netstandard2.0)
      System.Runtime.Numerics (>= 4.3) - restriction: || (&& (== net46) (< netstandard1.3)) (&& (== net462) (< net46) (>= netstandard1.6)) (&& (== net462) (< netstandard1.3)) (== netstandard1.6) (== netstandard2.0)
      System.Security.Cryptography.Algorithms (>= 4.3)
      System.Security.Cryptography.Cng (>= 4.3) - restriction: || (&& (== net46) (< netstandard1.3)) (&& (== net462) (< net46) (>= netstandard1.6)) (&& (== net462) (< netstandard1.3)) (== netstandard1.6) (== netstandard2.0)
      System.Security.Cryptography.Csp (>= 4.3) - restriction: || (&& (== net462) (< net46) (>= netstandard1.6)) (== netstandard1.6) (== netstandard2.0)
      System.Security.Cryptography.Encoding (>= 4.3)
      System.Security.Cryptography.OpenSsl (>= 4.3) - restriction: || (&& (== net462) (< net46) (>= netstandard1.6)) (== netstandard1.6) (== netstandard2.0)
      System.Security.Cryptography.Primitives (>= 4.3) - restriction: || (&& (== net46) (< netstandard1.3)) (&& (== net462) (< net46) (>= netstandard1.6)) (&& (== net462) (< netstandard1.3)) (== netstandard1.6) (== netstandard2.0)
      System.Text.Encoding (>= 4.3) - restriction: || (&& (== net46) (< netstandard1.3)) (&& (== net462) (< net46) (>= netstandard1.6)) (&& (== net462) (< netstandard1.3)) (== netstandard1.6) (== netstandard2.0)
      System.Threading (>= 4.3) - restriction: || (&& (== net46) (< netstandard1.3)) (&& (== net462) (< net46) (>= netstandard1.6)) (&& (== net462) (< netstandard1.3)) (== netstandard1.6) (== netstandard2.0)
    System.Text.Encoding (4.3) - restriction: || (&& (== net46) (== netstandard2.0)) (&& (== net46) (< net45)) (&& (== net46) (< net452)) (&& (== net46) (< portable-net45+win8+wp8+wpa81)) (&& (== net46) (< portable-net45+win8+wpa81)) (&& (== net46) (>= uap10.0)) (&& (== net462) (== netstandard2.0)) (&& (== net462) (< net45)) (&& (== net462) (< net452) (< netstandard1.3)) (&& (== net462) (< net452) (< netstandard1.4)) (&& (== net462) (< portable-net45+win8+wp8+wpa81)) (&& (== net462) (< portable-net45+win8+wpa81)) (&& (== net462) (>= uap10.0)) (== netstandard1.6) (&& (== netstandard2.0) (< netstandard1.3)) (&& (== netstandard2.0) (< netstandard1.4)) (&& (== netstandard2.0) (< netstandard1.5)) (&& (== netstandard2.0) (< netstandard1.6)) (&& (== netstandard2.0) (< portable-net45+win8+wp8+wpa81)) (&& (== netstandard2.0) (< portable-net45+win8+wpa81)) (&& (== netstandard2.0) (< portable-net451+win81+wpa81)) (&& (== netstandard2.0) (>= uap10.0))
      Microsoft.NETCore.Platforms (>= 1.1) - restriction: || (&& (== net46) (< net45)) (&& (== net46) (< portable-net45+win8+wp8+wpa81)) (&& (== net462) (< net45)) (&& (== net462) (< portable-net45+win8+wp8+wpa81)) (== netstandard1.6) (== netstandard2.0)
      Microsoft.NETCore.Targets (>= 1.1) - restriction: || (&& (== net46) (< net45)) (&& (== net46) (< portable-net45+win8+wp8+wpa81)) (&& (== net462) (< net45)) (&& (== net462) (< portable-net45+win8+wp8+wpa81)) (== netstandard1.6) (== netstandard2.0)
      System.Runtime (>= 4.3) - restriction: || (&& (== net46) (< net45)) (&& (== net46) (< portable-net45+win8+wp8+wpa81)) (&& (== net462) (< net45)) (&& (== net462) (< portable-net45+win8+wp8+wpa81)) (== netstandard1.6) (== netstandard2.0)
    System.Text.Encoding.Extensions (4.3) - restriction: || (&& (== net46) (== netstandard2.0)) (&& (== net46) (< net45)) (&& (== net46) (< portable-net45+win8+wpa81)) (&& (== net46) (>= uap10.0)) (&& (== net462) (== netstandard2.0)) (&& (== net462) (< net45)) (&& (== net462) (< portable-net45+win8+wpa81)) (&& (== net462) (>= uap10.0)) (== netstandard1.6) (&& (== netstandard2.0) (< netstandard1.3)) (&& (== netstandard2.0) (< netstandard1.4)) (&& (== netstandard2.0) (< netstandard1.5)) (&& (== netstandard2.0) (< netstandard1.6)) (&& (== netstandard2.0) (< portable-net45+win8+wpa81)) (&& (== netstandard2.0) (< portable-net451+win81+wpa81)) (&& (== netstandard2.0) (>= uap10.0))
      Microsoft.NETCore.Platforms (>= 1.1) - restriction: || (&& (== net46) (< net45)) (&& (== net46) (< portable-net45+win8+wp8+wpa81)) (&& (== net462) (< net45)) (&& (== net462) (< portable-net45+win8+wp8+wpa81)) (== netstandard1.6) (== netstandard2.0)
      Microsoft.NETCore.Targets (>= 1.1) - restriction: || (&& (== net46) (< net45)) (&& (== net46) (< portable-net45+win8+wp8+wpa81)) (&& (== net462) (< net45)) (&& (== net462) (< portable-net45+win8+wp8+wpa81)) (== netstandard1.6) (== netstandard2.0)
      System.Runtime (>= 4.3) - restriction: || (&& (== net46) (< net45)) (&& (== net46) (< portable-net45+win8+wp8+wpa81)) (&& (== net462) (< net45)) (&& (== net462) (< portable-net45+win8+wp8+wpa81)) (== netstandard1.6) (== netstandard2.0)
      System.Text.Encoding (>= 4.3) - restriction: || (&& (== net46) (< net45)) (&& (== net46) (< portable-net45+win8+wp8+wpa81)) (&& (== net462) (< net45)) (&& (== net462) (< portable-net45+win8+wp8+wpa81)) (== netstandard1.6) (== netstandard2.0)
    System.Text.RegularExpressions (4.3) - restriction: || (&& (== net46) (== netstandard2.0)) (&& (== net46) (< net45)) (&& (== net46) (< portable-net45+win8+wpa81)) (&& (== net46) (>= uap10.0)) (&& (== net462) (== netstandard2.0)) (&& (== net462) (< net45)) (&& (== net462) (< portable-net45+win8+wpa81)) (&& (== net462) (>= uap10.0)) (== netstandard1.6) (&& (== netstandard2.0) (< netstandard1.3)) (&& (== netstandard2.0) (< netstandard1.4)) (&& (== netstandard2.0) (< netstandard1.5)) (&& (== netstandard2.0) (< netstandard1.6)) (&& (== netstandard2.0) (< portable-net45+win8+wpa81)) (&& (== netstandard2.0) (< portable-net451+win81+wpa81)) (&& (== netstandard2.0) (>= uap10.0))
      System.Collections (>= 4.3) - restriction: || (&& (== net46) (< net45) (>= netstandard1.6)) (&& (== net46) (< portable-net45+win8+wp8+wpa81)) (&& (== net462) (< net45) (>= netstandard1.6)) (&& (== net462) (< portable-net45+win8+wp8+wpa81)) (== netstandard1.6) (== netstandard2.0)
      System.Globalization (>= 4.3) - restriction: || (&& (== net46) (< net45) (>= netstandard1.6)) (&& (== net46) (< portable-net45+win8+wp8+wpa81)) (&& (== net462) (< net45) (>= netstandard1.6)) (&& (== net462) (< portable-net45+win8+wp8+wpa81)) (== netstandard1.6) (== netstandard2.0)
      System.Resources.ResourceManager (>= 4.3) - restriction: || (&& (== net46) (< net45) (>= netstandard1.6)) (&& (== net46) (< portable-net45+win8+wp8+wpa81)) (&& (== net462) (< net45) (>= netstandard1.6)) (&& (== net462) (< portable-net45+win8+wp8+wpa81)) (== netstandard1.6) (== netstandard2.0)
      System.Runtime (>= 4.3) - restriction: || (&& (== net46) (< net45)) (&& (== net46) (>= netcoreapp1.1)) (&& (== net46) (< portable-net45+win8+wp8+wpa81)) (&& (== net462) (< net45)) (&& (== net462) (>= netcoreapp1.1)) (&& (== net462) (< portable-net45+win8+wp8+wpa81)) (== netstandard1.6) (== netstandard2.0)
      System.Runtime.Extensions (>= 4.3) - restriction: || (&& (== net46) (< net45) (>= netstandard1.6)) (&& (== net46) (< portable-net45+win8+wp8+wpa81)) (&& (== net462) (< net45) (>= netstandard1.6)) (&& (== net462) (< portable-net45+win8+wp8+wpa81)) (== netstandard1.6) (== netstandard2.0)
      System.Threading (>= 4.3) - restriction: || (&& (== net46) (< net45) (>= netstandard1.6)) (&& (== net46) (< portable-net45+win8+wp8+wpa81)) (&& (== net462) (< net45) (>= netstandard1.6)) (&& (== net462) (< portable-net45+win8+wp8+wpa81)) (== netstandard1.6) (== netstandard2.0)
    System.Threading (4.3) - restriction: || (&& (== net46) (== netstandard2.0)) (&& (== net46) (< net45)) (&& (== net46) (< net452)) (&& (== net46) (< netstandard1.0)) (&& (== net46) (< netstandard1.1)) (&& (== net46) (< netstandard1.3) (>= wpa81)) (&& (== net46) (< portable-net45+win8+wp8+wpa81)) (&& (== net46) (< portable-net45+win8+wpa81)) (&& (== net46) (>= uap10.0)) (&& (== net462) (== netstandard2.0)) (&& (== net462) (< net45)) (&& (== net462) (< net452) (< netstandard1.3)) (&& (== net462) (< net452) (< netstandard1.4)) (&& (== net462) (< netstandard1.0)) (&& (== net462) (< netstandard1.1)) (&& (== net462) (< netstandard1.3) (>= wpa81)) (&& (== net462) (< portable-net45+win8+wp8+wpa81)) (&& (== net462) (< portable-net45+win8+wpa81)) (&& (== net462) (>= uap10.0)) (== netstandard1.6) (&& (== netstandard2.0) (< netstandard1.0)) (&& (== netstandard2.0) (< netstandard1.1)) (&& (== netstandard2.0) (< netstandard1.3)) (&& (== netstandard2.0) (< netstandard1.4)) (&& (== netstandard2.0) (< netstandard1.5)) (&& (== netstandard2.0) (< netstandard1.6)) (&& (== netstandard2.0) (< portable-net45+win8+wp8+wpa81)) (&& (== netstandard2.0) (< portable-net45+win8+wpa81)) (&& (== netstandard2.0) (< portable-net451+win81+wpa81)) (&& (== netstandard2.0) (>= uap10.0))
      System.Runtime (>= 4.3) - restriction: || (&& (== net46) (< net45)) (&& (== net46) (< portable-net45+win8+wp8+wpa81)) (&& (== net462) (< net45)) (&& (== net462) (< portable-net45+win8+wp8+wpa81)) (== netstandard1.6) (== netstandard2.0)
      System.Threading.Tasks (>= 4.3) - restriction: || (&& (== net46) (< net45)) (&& (== net46) (< portable-net45+win8+wp8+wpa81)) (&& (== net462) (< net45)) (&& (== net462) (< portable-net45+win8+wp8+wpa81)) (== netstandard1.6) (== netstandard2.0)
    System.Threading.Tasks (4.3) - restriction: || (&& (== net46) (== netstandard2.0)) (&& (== net46) (< net45)) (&& (== net46) (< net452)) (&& (== net46) (< portable-net45+win8+wp8+wpa81)) (&& (== net46) (< portable-net45+win8+wpa81)) (&& (== net46) (>= uap10.0)) (&& (== net462) (== netstandard2.0)) (&& (== net462) (< net45)) (&& (== net462) (< net452) (< netstandard1.4)) (&& (== net462) (< portable-net45+win8+wp8+wpa81)) (&& (== net462) (< portable-net45+win8+wpa81)) (&& (== net462) (>= uap10.0)) (== netstandard1.6) (&& (== netstandard2.0) (< netstandard1.3)) (&& (== netstandard2.0) (< netstandard1.4)) (&& (== netstandard2.0) (< netstandard1.5)) (&& (== netstandard2.0) (< netstandard1.6)) (&& (== netstandard2.0) (< portable-net45+win8+wp8+wpa81)) (&& (== netstandard2.0) (< portable-net45+win8+wpa81)) (&& (== netstandard2.0) (< portable-net451+win81+wpa81)) (&& (== netstandard2.0) (>= uap10.0))
      Microsoft.NETCore.Platforms (>= 1.1) - restriction: || (&& (== net46) (< net45)) (&& (== net46) (< portable-net45+win8+wp8+wpa81)) (&& (== net462) (< net45)) (&& (== net462) (< portable-net45+win8+wp8+wpa81)) (== netstandard1.6) (== netstandard2.0)
      Microsoft.NETCore.Targets (>= 1.1) - restriction: || (&& (== net46) (< net45)) (&& (== net46) (< portable-net45+win8+wp8+wpa81)) (&& (== net462) (< net45)) (&& (== net462) (< portable-net45+win8+wp8+wpa81)) (== netstandard1.6) (== netstandard2.0)
      System.Runtime (>= 4.3) - restriction: || (&& (== net46) (< net45)) (&& (== net46) (< portable-net45+win8+wp8+wpa81)) (&& (== net462) (< net45)) (&& (== net462) (< portable-net45+win8+wp8+wpa81)) (== netstandard1.6) (== netstandard2.0)
    System.Threading.Tasks.Extensions (4.4) - restriction: || (&& (== net46) (== netstandard2.0)) (&& (== net46) (< net45)) (&& (== net46) (< portable-net45+win8+wp8+wpa81)) (&& (== net46) (< portable-net45+win8+wpa81)) (&& (== net46) (>= uap10.0)) (&& (== net462) (== netstandard2.0)) (&& (== net462) (< net45)) (&& (== net462) (< portable-net45+win8+wp8+wpa81)) (&& (== net462) (< portable-net45+win8+wpa81)) (&& (== net462) (>= uap10.0)) (== netstandard1.6) (&& (== netstandard2.0) (< netstandard1.3)) (&& (== netstandard2.0) (< netstandard1.4)) (&& (== netstandard2.0) (< netstandard1.5)) (&& (== netstandard2.0) (< netstandard1.6)) (&& (== netstandard2.0) (< portable-net45+win8+wp8+wpa81)) (&& (== netstandard2.0) (< portable-net45+win8+wpa81)) (&& (== netstandard2.0) (< portable-net451+win81+wpa81)) (&& (== netstandard2.0) (>= uap10.0))
      System.Collections (>= 4.3) - restriction: || (== net46) (== net462) (== netstandard1.6)
      System.Runtime (>= 4.3) - restriction: || (== net46) (== net462) (== netstandard1.6)
      System.Threading.Tasks (>= 4.3) - restriction: || (== net46) (== net462) (== netstandard1.6)
    System.Threading.Timer (4.3) - restriction: || (&& (== net46) (== netstandard2.0)) (&& (== net46) (< net45)) (&& (== net46) (>= uap10.0)) (&& (== net462) (== netstandard2.0)) (&& (== net462) (< net45)) (&& (== net462) (>= uap10.0)) (== netstandard1.6) (&& (== netstandard2.0) (< netstandard1.3)) (&& (== netstandard2.0) (< netstandard1.4)) (&& (== netstandard2.0) (< netstandard1.5)) (&& (== netstandard2.0) (< netstandard1.6)) (&& (== netstandard2.0) (>= uap10.0))
      Microsoft.NETCore.Platforms (>= 1.1) - restriction: || (&& (== net46) (< net451)) (&& (== net46) (< portable-net451+win81+wpa81)) (&& (== net462) (< net451)) (&& (== net462) (< portable-net451+win81+wpa81)) (== netstandard1.6) (== netstandard2.0)
      Microsoft.NETCore.Targets (>= 1.1) - restriction: || (&& (== net46) (< net451)) (&& (== net46) (< portable-net451+win81+wpa81)) (&& (== net462) (< net451)) (&& (== net462) (< portable-net451+win81+wpa81)) (== netstandard1.6) (== netstandard2.0)
      System.Runtime (>= 4.3) - restriction: || (&& (== net46) (< net451)) (&& (== net46) (< portable-net451+win81+wpa81)) (&& (== net462) (< net451)) (&& (== net462) (< portable-net451+win81+wpa81)) (== netstandard1.6) (== netstandard2.0)
    System.Xml.ReaderWriter (4.3.1) - restriction: || (&& (== net46) (== netstandard2.0)) (&& (== net46) (< net45)) (&& (== net46) (< net452)) (&& (== net46) (< portable-net45+win8+wpa81)) (&& (== net46) (>= uap10.0)) (&& (== net462) (== netstandard2.0)) (&& (== net462) (< net45)) (&& (== net462) (< net452) (< netstandard1.4)) (&& (== net462) (< portable-net45+win8+wpa81)) (&& (== net462) (>= uap10.0)) (== netstandard1.6) (&& (== netstandard2.0) (< netstandard1.3)) (&& (== netstandard2.0) (< netstandard1.4)) (&& (== netstandard2.0) (< netstandard1.5)) (&& (== netstandard2.0) (< netstandard1.6)) (&& (== netstandard2.0) (< portable-net45+win8+wpa81)) (&& (== netstandard2.0) (< portable-net451+win81+wpa81)) (&& (== netstandard2.0) (>= uap10.0))
      System.Collections (>= 4.3) - restriction: || (&& (== net46) (< net45)) (&& (== net46) (< portable-net45+win8+wp8+wpa81)) (&& (== net462) (< net45)) (&& (== net462) (< portable-net45+win8+wp8+wpa81)) (== netstandard1.6) (== netstandard2.0)
      System.Diagnostics.Debug (>= 4.3) - restriction: || (&& (== net46) (< net45)) (&& (== net46) (< portable-net45+win8+wp8+wpa81)) (&& (== net462) (< net45)) (&& (== net462) (< portable-net45+win8+wp8+wpa81)) (== netstandard1.6) (== netstandard2.0)
      System.Globalization (>= 4.3) - restriction: || (&& (== net46) (< net45)) (&& (== net46) (< portable-net45+win8+wp8+wpa81)) (&& (== net462) (< net45)) (&& (== net462) (< portable-net45+win8+wp8+wpa81)) (== netstandard1.6) (== netstandard2.0)
      System.IO (>= 4.3) - restriction: || (&& (== net46) (< net45)) (&& (== net46) (< portable-net45+win8+wp8+wpa81)) (&& (== net462) (< net45)) (&& (== net462) (< portable-net45+win8+wp8+wpa81)) (== netstandard1.6) (== netstandard2.0)
      System.IO.FileSystem (>= 4.3) - restriction: || (&& (== net46) (< net45)) (&& (== net46) (< portable-net45+win8+wp8+wpa81)) (&& (== net462) (< net45)) (&& (== net462) (< portable-net45+win8+wp8+wpa81)) (== netstandard1.6) (== netstandard2.0)
      System.IO.FileSystem.Primitives (>= 4.3) - restriction: || (&& (== net46) (< net45)) (&& (== net46) (< portable-net45+win8+wp8+wpa81)) (&& (== net462) (< net45)) (&& (== net462) (< portable-net45+win8+wp8+wpa81)) (== netstandard1.6) (== netstandard2.0)
      System.Resources.ResourceManager (>= 4.3) - restriction: || (&& (== net46) (< net45)) (&& (== net46) (< portable-net45+win8+wp8+wpa81)) (&& (== net462) (< net45)) (&& (== net462) (< portable-net45+win8+wp8+wpa81)) (== netstandard1.6) (== netstandard2.0)
      System.Runtime (>= 4.3) - restriction: || (&& (== net46) (< net45)) (&& (== net46) (< portable-net45+win8+wp8+wpa81)) (&& (== net462) (< net45)) (&& (== net462) (< portable-net45+win8+wp8+wpa81)) (== netstandard1.6) (== netstandard2.0)
      System.Runtime.Extensions (>= 4.3) - restriction: || (&& (== net46) (< net45)) (&& (== net46) (< portable-net45+win8+wp8+wpa81)) (&& (== net462) (< net45)) (&& (== net462) (< portable-net45+win8+wp8+wpa81)) (== netstandard1.6) (== netstandard2.0)
      System.Runtime.InteropServices (>= 4.3) - restriction: || (&& (== net46) (< net45)) (&& (== net46) (< portable-net45+win8+wp8+wpa81)) (&& (== net462) (< net45)) (&& (== net462) (< portable-net45+win8+wp8+wpa81)) (== netstandard1.6) (== netstandard2.0)
      System.Text.Encoding (>= 4.3) - restriction: || (&& (== net46) (< net45)) (&& (== net46) (< portable-net45+win8+wp8+wpa81)) (&& (== net462) (< net45)) (&& (== net462) (< portable-net45+win8+wp8+wpa81)) (== netstandard1.6) (== netstandard2.0)
      System.Text.Encoding.Extensions (>= 4.3) - restriction: || (&& (== net46) (< net45)) (&& (== net46) (< portable-net45+win8+wp8+wpa81)) (&& (== net462) (< net45)) (&& (== net462) (< portable-net45+win8+wp8+wpa81)) (== netstandard1.6) (== netstandard2.0)
      System.Text.RegularExpressions (>= 4.3) - restriction: || (&& (== net46) (< net45)) (&& (== net46) (< portable-net45+win8+wp8+wpa81)) (&& (== net462) (< net45)) (&& (== net462) (< portable-net45+win8+wp8+wpa81)) (== netstandard1.6) (== netstandard2.0)
      System.Threading.Tasks (>= 4.3) - restriction: || (&& (== net46) (< net45)) (&& (== net46) (< portable-net45+win8+wp8+wpa81)) (&& (== net462) (< net45)) (&& (== net462) (< portable-net45+win8+wp8+wpa81)) (== netstandard1.6) (== netstandard2.0)
      System.Threading.Tasks.Extensions (>= 4.3) - restriction: || (&& (== net46) (< net45)) (&& (== net46) (< portable-net45+win8+wp8+wpa81)) (&& (== net462) (< net45)) (&& (== net462) (< portable-net45+win8+wp8+wpa81)) (== netstandard1.6) (== netstandard2.0)
    System.Xml.XDocument (4.3) - restriction: || (&& (== net46) (== netstandard2.0)) (&& (== net46) (< net45)) (&& (== net46) (< portable-net45+win8+wpa81)) (&& (== net46) (>= uap10.0)) (&& (== net462) (== netstandard2.0)) (&& (== net462) (< net45)) (&& (== net462) (< portable-net45+win8+wpa81)) (&& (== net462) (>= uap10.0)) (== netstandard1.6) (&& (== netstandard2.0) (< netstandard1.3)) (&& (== netstandard2.0) (< netstandard1.4)) (&& (== netstandard2.0) (< netstandard1.5)) (&& (== netstandard2.0) (< netstandard1.6)) (&& (== netstandard2.0) (< portable-net45+win8+wpa81)) (&& (== netstandard2.0) (< portable-net451+win81+wpa81)) (&& (== netstandard2.0) (>= uap10.0))
      System.Collections (>= 4.3) - restriction: || (&& (== net46) (< net45)) (&& (== net46) (< portable-net45+win8+wp8+wpa81)) (&& (== net462) (< net45)) (&& (== net462) (< portable-net45+win8+wp8+wpa81)) (== netstandard1.6) (== netstandard2.0)
      System.Diagnostics.Debug (>= 4.3) - restriction: || (&& (== net46) (< net45)) (&& (== net46) (< portable-net45+win8+wp8+wpa81)) (&& (== net462) (< net45)) (&& (== net462) (< portable-net45+win8+wp8+wpa81)) (== netstandard1.6) (== netstandard2.0)
      System.Diagnostics.Tools (>= 4.3) - restriction: || (&& (== net46) (< net45)) (&& (== net46) (< portable-net45+win8+wp8+wpa81)) (&& (== net462) (< net45)) (&& (== net462) (< portable-net45+win8+wp8+wpa81)) (== netstandard1.6) (== netstandard2.0)
      System.Globalization (>= 4.3) - restriction: || (&& (== net46) (< net45)) (&& (== net46) (< portable-net45+win8+wp8+wpa81)) (&& (== net462) (< net45)) (&& (== net462) (< portable-net45+win8+wp8+wpa81)) (== netstandard1.6) (== netstandard2.0)
      System.IO (>= 4.3) - restriction: || (&& (== net46) (< net45)) (&& (== net46) (< portable-net45+win8+wp8+wpa81)) (&& (== net462) (< net45)) (&& (== net462) (< portable-net45+win8+wp8+wpa81)) (== netstandard1.6) (== netstandard2.0)
      System.Reflection (>= 4.3) - restriction: || (&& (== net46) (< net45)) (&& (== net46) (< portable-net45+win8+wp8+wpa81)) (&& (== net462) (< net45)) (&& (== net462) (< portable-net45+win8+wp8+wpa81)) (== netstandard1.6) (== netstandard2.0)
      System.Resources.ResourceManager (>= 4.3) - restriction: || (&& (== net46) (< net45)) (&& (== net46) (< portable-net45+win8+wp8+wpa81)) (&& (== net462) (< net45)) (&& (== net462) (< portable-net45+win8+wp8+wpa81)) (== netstandard1.6) (== netstandard2.0)
      System.Runtime (>= 4.3) - restriction: || (&& (== net46) (< net45)) (&& (== net46) (< portable-net45+win8+wp8+wpa81)) (&& (== net462) (< net45)) (&& (== net462) (< portable-net45+win8+wp8+wpa81)) (== netstandard1.6) (== netstandard2.0)
      System.Runtime.Extensions (>= 4.3) - restriction: || (&& (== net46) (< net45)) (&& (== net46) (< portable-net45+win8+wp8+wpa81)) (&& (== net462) (< net45)) (&& (== net462) (< portable-net45+win8+wp8+wpa81)) (== netstandard1.6) (== netstandard2.0)
      System.Text.Encoding (>= 4.3) - restriction: || (&& (== net46) (< net45)) (&& (== net46) (< portable-net45+win8+wp8+wpa81)) (&& (== net462) (< net45)) (&& (== net462) (< portable-net45+win8+wp8+wpa81)) (== netstandard1.6) (== netstandard2.0)
      System.Threading (>= 4.3) - restriction: || (&& (== net46) (< net45)) (&& (== net46) (< portable-net45+win8+wp8+wpa81)) (&& (== net462) (< net45)) (&& (== net462) (< portable-net45+win8+wp8+wpa81)) (== netstandard1.6) (== netstandard2.0)
      System.Xml.ReaderWriter (>= 4.3) - restriction: || (&& (== net46) (< net45)) (&& (== net46) (< portable-net45+win8+wp8+wpa81)) (&& (== net462) (< net45)) (&& (== net462) (< portable-net45+win8+wp8+wpa81)) (== netstandard1.6) (== netstandard2.0)
    xunit (2.3.1)
      xunit.analyzers (>= 0.7)
      xunit.assert (2.3.1)
      xunit.core (2.3.1)
    xunit.abstractions (2.0.1)
      NETStandard.Library (>= 1.6) - restriction: || (&& (== net46) (< net35)) (&& (== net462) (< net35)) (== netstandard1.6) (== netstandard2.0)
    xunit.analyzers (0.8)
    xunit.assert (2.3.1)
      NETStandard.Library (>= 1.6.1) - restriction: || (&& (== net46) (< net452)) (&& (== net462) (< net452)) (== netstandard1.6) (== netstandard2.0)
    xunit.core (2.3.1)
      xunit.extensibility.core (2.3.1)
      xunit.extensibility.execution (2.3.1)
    xunit.extensibility.core (2.3.1)
      NETStandard.Library (>= 1.6.1) - restriction: || (&& (== net46) (< net452)) (&& (== net462) (< net452)) (== netstandard1.6) (== netstandard2.0)
      xunit.abstractions (>= 2.0.1)
    xunit.extensibility.execution (2.3.1)
      NETStandard.Library (>= 1.6.1) - restriction: || (&& (== net46) (< net452)) (&& (== net462) (< net452)) (== netstandard1.6) (== netstandard2.0)
      xunit.extensibility.core (2.3.1)
    xunit.runner.visualstudio (2.3.1)
